

GROUP mygroup
STORAGE: NONE
RESTRICTION: == net6.0
NUGET
  remote: https://nexus.comp.org/repository/companything-nuget/index.json
    AdPlatform.CitrusLeaf (2.1.28.2)
      AdPlatform.Protobuf-net (>= 2.0.11)
      Microsoft.Windows.Compatibility (>= 2.0)
    AdPlatform.FastJson (1.2.1)
    AdPlatform.Parquet.Net (3.7.0)
      System.Buffers (>= 4.5)
      System.Memory (>= 4.5.3)
      System.Reflection.Emit.Lightweight (>= 4.7)
    AdPlatform.Protobuf-net (2.0.13)
    AdPlatform.ServiceStack (3.9.60)
    Aerospike.Client.Company (4.2.7000)
      Iconic.Zlib.Netstandard (>= 1.0)
      NeoLua (1.3.13)
      NETStandard.Library (>= 2.0)
    DiffCacheCodeGen (1.2.9)
    OpenPath.PublisherConfig (0.1.3)
      AdPlatform.Protobuf-net (>= 2.0.13)
    Company.Aliyun.MNS (1.3.8)
      Macross.Json.Extensions (>= 2.0)
    Company.Auth.ServiceToken.Core (1.0.6)
      BouncyCastle (>= 1.7)
      IdentityModel (>= 4.4)
      Microsoft.IdentityModel.Tokens (>= 5.3)
      Serilog (>= 2.10)
      System.IdentityModel.Tokens.Jwt (>= 5.3)
      Company.Common.Telemetry (>= 5.2.3)
    Company.Auth.UserProfile.Client (1.1.110)
      BouncyCastle (>= 1.7)
      Grpc.Core (>= 2.46.6)
      System.Drawing.Common (>= 6.0)
      Company.Auth.ServiceToken.Core (>= 0.1.49)
      Company.Auth.UserProfile.Models (>= 1.1.110)
    Company.Auth.UserProfile.Contract (1.1.196)
      Google.Protobuf (>= 3.15.5)
      Grpc.Net.Client (>= 2.36)
    Company.Auth.UserProfile.Models (1.1.110)
      System.Drawing.Common (>= 6.0)
      Company.Auth.UserProfile.Contract (>= 1.1.110)
      Company.Common.Okta (>= 1.3.1)
      Company.Common.Telemetry (>= 5.2.9)
    Company.Channels.ExternalLibs.DeviceAtlas (1.0.2)
    Company.Common.AWS (3.1.1)
      AWSSDK.AutoScaling (>= 3.3.4.12)
      AWSSDK.CloudFront (>= 3.3.8.4)
      AWSSDK.Core (>= 3.3.31.7)
      AWSSDK.DataPipeline (>= 3.3.0.35)
      AWSSDK.DynamoDBv2 (>= 3.3.12)
      AWSSDK.EC2 (>= 3.3.57.2)
      AWSSDK.IdentityManagement (>= 3.3.7.3)
      AWSSDK.ImportExport (>= 3.3.0.36)
      AWSSDK.Lambda (>= 3.3.15.3)
      AWSSDK.OpsWorks (>= 3.3.3.13)
      AWSSDK.RDS (>= 3.3.26.5)
      AWSSDK.S3 (>= 3.3.20.2)
      AWSSDK.SecurityToken (>= 3.3.4)
      AWSSDK.SimpleWorkflow (>= 3.3.0.36)
      AWSSDK.SQS (>= 3.3.3.14)
      System.Net.Requests (>= 4.3)
      Company.Common.Cloud.Abstraction (>= 3.0.1)
      Company.Common.IO (>= 2.5.1)
      Company.Common.Serialization (>= 3.9.1)
    Company.Common.BCL (2.16.2)
      System.ComponentModel.Annotations (>= 4.7)
    Company.Common.Caching (3.7.1)
      Company.Common.DES (>= 2.7.1)
      Company.Common.Scheduling (>= 2.8.1)
    Company.Common.Cloud.Abstraction (3.0.1)
      System.Net.Http (>= 4.3.3)
      Company.Common.IO (>= 2.5.1)
      Company.Common.Serialization (>= 3.9.1)
    Company.Common.Cloud.AliCloud (3.1.1)
      aliyun-net-sdk-kms (>= 2.6)
      Aliyun.OSS.SDK.NetCore (>= 2.9)
      Company.Aliyun.MNS (>= 1.3.8)
      Company.Common.Cloud.Abstraction (>= 3.0.1)
      Company.Common.Configuration (>= 3.15.1)
    Company.Common.Cloud.Azure (3.0.1)
      Azure.Identity (>= 1.3)
      Azure.Storage.Blobs (>= 12.9.1)
      Azure.Storage.Queues (>= 12.3)
      Company.Common.Cloud.Abstraction (>= 3.0.1)
      Company.Common.IO (>= 2.5.1)
      Company.Common.TDSC (>= 2.4.3)
    Company.Common.Cloud.Factory (3.0.1)
      AWSSDK.Core (>= 3.3.31.7)
      Company.Common.AWS (>= 3.1.1)
      Company.Common.Cloud.Abstraction (>= 3.0.1)
      Company.Common.Cloud.AliCloud (>= 3.1.1)
      Company.Common.Cloud.Azure (>= 3.0.1)
      Company.Common.Configuration (>= 3.15.1)
    Company.Common.Collections (2.6.2)
      Company.Common.Serialization (>= 3.8.3)
    Company.Common.Configuration (3.15.1)
      Microsoft.Extensions.Configuration (>= 3.1.32)
      Company.Common.AWS (>= 2.18.1)
      Company.Common.BCL (>= 2.16.2)
      Company.Common.DES.Sinks.WindowsEventLog (>= 2.8.1)
      Company.Common.Networking (>= 2.7.1)
      Company.Common.Scheduling (>= 2.8.1)
      Company.Common.Telemetry.AdHoc (>= 5.3.1)
    Company.Common.DES (2.7.1)
      AdPlatform.Protobuf-net (>= 2.0.13)
      Company.Common.Telemetry (>= 5.3.1)
    Company.Common.DES.Sinks.Serilog (3.4.2)
      Company.Common.DES (>= 2.6.3)
      Company.Common.Telemetry.AdHoc (>= 5.2.9)
      Company.Common.Telemetry.Serilog (>= 5.2.9)
    Company.Common.DES.Sinks.WindowsEventLog (2.8.1)
      Microsoft.Windows.Compatibility (>= 3.1.4)
      System.Data.SqlClient (>= 4.8.5)
      System.Security.Cryptography.Xml (>= 4.7.1)
      Company.Common.DES (>= 2.7.1)
    Company.Common.Hashing (2.0.3)
      System.Memory (>= 4.5.4)
    Company.Common.Http.Client (2.6.1)
      Microsoft.AspNet.WebApi.Client (>= 5.2.7)
      Microsoft.CSharp (>= 4.7)
      Company.Common.Collections (>= 2.6.2)
      Company.Common.DES (>= 2.6.3)
      Company.DotNetOpenAuth (>= 4.3.4)
    Company.Common.IO (2.5.2)
      Company.Common.DES (>= 2.7.1)
      Company.Common.TDSC (>= 2.4.3)
    Company.Common.Logging (1.2.275)
      AdPlatform.Protobuf-net (>= 2.0.11)
      Microsoft.CodeAnalysis.BannedApiAnalyzers (>= 3.0)
      Company.Common.BCL (>= 2.0.2)
      Company.Common.Telemetry (>= 2.0.2)
    Company.Common.Logging.Structured (1.4.194)
      Microsoft.CodeAnalysis.BannedApiAnalyzers (>= 3.3.3)
      Company.Common.Monitoring (>= 2.4.2)
      Company.DB.Provisioning.Primitives (>= 1.3.608)
      Company.Quality.CodeAnalyzer (>= 0.1.63)
    Company.Common.Monitoring (2.4.2)
      Semver (>= 2.2)
      Company.Common.Configuration (>= 3.15.1)
      Company.Common.Scheduling (>= 2.8.1)
      Company.Common.Telemetry.RuntimeMetrics (>= 5.3.1)
    Company.Common.Networking (2.7.1)
      Company.Common.BCL (>= 2.16.2)
      Company.Common.DES (>= 2.7.1)
      Company.Common.TDSC (>= 2.4.3)
      Company.Common.Telemetry (>= 5.3.1)
    Company.Common.Okta (1.4.1)
      Okta.Sdk (>= 1.2.1)
      System.Drawing.Common (>= 6.0)
      System.Text.Encodings.Web (>= 6.0)
      Company.Common.Collections (>= 2.6.2)
      Company.Common.TimeZoneInfo (>= 1.8.2)
    Company.Common.Scheduling (2.8.1)
      Company.Common.DES (>= 2.7.1)
    Company.Common.Scheduling.Manager (1.0.64)
      Microsoft.CodeAnalysis.BannedApiAnalyzers (>= 3.3.3)
      Company.Common.Configuration (>= 3.15.1)
      Company.Quality.CodeAnalyzer (>= 0.1.63)
    Company.Common.Security.Validation (1.0.46)
    Company.Common.Serialization (3.9.1)
      AdPlatform.FastJson (>= 1.2.1)
      AdPlatform.Parquet.Net (>= 3.7)
      AdPlatform.Protobuf-net (>= 2.0.13)
      Microsoft.CSharp (>= 4.7)
      Microsoft.Extensions.Configuration.Binder (>= 3.1.32)
      Microsoft.Extensions.Configuration.EnvironmentVariables (>= 3.1.32)
      Microsoft.Extensions.Configuration.Json (>= 3.1.32)
      Microsoft.Extensions.Configuration.Xml (>= 3.1.32)
      Microsoft.Windows.Compatibility (>= 3.1.4)
      Newtonsoft.Json (>= 12.0.3)
      protobuf-net (>= 3.1.4)
      StackExchange.Redis.StrongName (>= 1.2.6)
      System.Data.SqlClient (>= 4.8.5)
      System.Security.Cryptography.Xml (>= 4.7.1)
      Company.Common.BCL (>= 2.16.2)
      Company.Common.DES (>= 2.7.1)
    Company.Common.SQL (2.9.2)
      EntityFramework (>= 6.4.4)
      EntityFramework.CodeFirstStoreFunctions (>= 1.2)
      System.Data.SqlClient (>= 4.8.5)
      Company.Common.Scheduling (>= 2.6.1)
      Company.Common.TDSC (>= 2.4.2)
    Company.Common.TDSC (2.4.3)
      Microsoft.CSharp (>= 4.7)
      Microsoft.Extensions.Configuration.Binder (>= 3.1.32)
      Microsoft.Extensions.Configuration.EnvironmentVariables (>= 3.1.32)
      Microsoft.Extensions.Configuration.Json (>= 3.1.32)
      Microsoft.Extensions.Configuration.Xml (>= 3.1.32)
      Microsoft.Windows.Compatibility (>= 3.1.4)
      Newtonsoft.Json (>= 12.0.3)
      System.Security.Cryptography.Xml (>= 4.7.1)
      Company.Common.Serialization (>= 3.8.3)
    Company.Common.Telemetry.Prometheus (5.6.1)
      prometheus-net (>= 3.2.1)
      Company.Common.Telemetry (>= 5.6.1)
    Company.Common.Telemetry.Serilog (5.3.1)
      Serilog (>= 2.10)
      Serilog.Enrichers.Environment (>= 2.1.2)
      Serilog.Enrichers.Thread (>= 3.0)
      Serilog.Settings.Configuration (>= 2.6.1)
      Serilog.Sinks.Async (>= 1.3)
      Serilog.Sinks.Console (>= 4.0)
      Serilog.Sinks.Elasticsearch (>= 7.1)
      Serilog.Sinks.File (>= 4.0)
      SumoLogic.Logging.Serilog (>= 1.0.1.1)
      Company.Common.Telemetry (>= 5.3.1)
    Company.Common.TimeZoneInfo (1.8.2)
      System.Collections.Immutable (>= 5.0)
      Company.Common.BCL (>= 2.15.2)
    Company.Consul.Client (1.2.2)
      Microsoft.CSharp (>= 4.7)
      Newtonsoft.Json (>= 12.0.3)
    Company.Contextual.Constants (1.1.8)
      Microsoft.CodeAnalysis.BannedApiAnalyzers (>= 3.3.3)
    Company.DB.Provisioning.Primitives (1.3.608)
      Microsoft.CodeAnalysis.BannedApiAnalyzers (>= 3.3.3)
      Microsoft.CSharp (>= 4.7)
      System.ComponentModel.Annotations (>= 4.7)
      Company.Common.Serialization (>= 3.9.1)
      Company.Quality.CodeAnalyzer (>= 0.1.63)
    Company.DB.UserProfile.EntityFramework (1.0.2)
      Microsoft.CodeAnalysis.BannedApiAnalyzers (>= 3.3.3)
      System.Data.DataSetExtensions (>= 4.5)
      Company.Common.SQL (>= 2.9.2)
      Company.Quality.CodeAnalyzer (>= 0.1.63)
    Company.Delta.Lib.Client (0.1.26)
      Company.Delta.Lib.Common (>= 0.1.26)
      Company.OffHeapDiffCache.Client (>= 3.1.29)
    Company.Delta.Lib.Common (0.1.26)
      Company.Common.Cloud.Abstraction (>= 2.13.2)
      Company.OffHeapDiffCache (>= 3.1.29)
    Company.Domain.Budget.Allowance (3.1.2)
      Aerospike.Client.Company (>= 4.2.7000)
      MathNet.Numerics (>= 4.4)
      Company.Common.Serialization (>= 3.7.1)
      Company.Domain.Budget.Contract (>= 2.0.7)
    Company.Domain.Budget.Communication (1.6.1)
      MathNet.Numerics (>= 4.4)
      Company.Common.Collections (>= 2.5.1)
      Company.Common.Configuration (>= 3.12.1)
      Company.Common.Serialization (>= 3.7.1)
      Company.Domain.Budget.Contract (>= 1.9.1)
    Company.Domain.Budget.Contract (2.5.3)
      MathNet.Numerics (>= 4.4)
      Company.Common.Serialization (>= 3.7.1)
    Company.Domain.Budget.DeltaContract (0.7.3)
      Company.Common.Serialization (>= 3.7.1)
      Company.Domain.Budget.Contract (>= 2.2.2)
    Company.Domain.PII (1.0.11)
      Microsoft.CodeAnalysis.BannedApiAnalyzers (>= 3.3.3)
      Company.Common.Cloud.Factory (>= 2.17.2)
      Company.Common.Logging.Structured (>= 1.4.181)
      Company.Common.Scheduling.Manager (>= 1.0.55)
      Company.Quality.CodeAnalyzer (>= 0.1.63)
    Company.Domain.Shared (1.3.258)
      Microsoft.CodeAnalysis.BannedApiAnalyzers (>= 3.3.3)
      Company.Common.Collections (>= 2.6.2)
      Company.DB.Provisioning.Primitives (>= 1.3.608)
      Company.Domain.Shared.ReferrerCache.Helpers (>= 1.0.3)
      Company.Quality.CodeAnalyzer (>= 0.1.63)
    Company.Domain.Shared.API (1.0.14)
      Grpc (>= 2.46.6)
      Microsoft.CodeAnalysis.BannedApiAnalyzers (>= 3.3.3)
      Company.Common.Caching (>= 3.7.1)
      Company.Common.Monitoring (>= 2.4.2)
      Company.Quality.CodeAnalyzer (>= 0.1.63)
    Company.Domain.Shared.DiffCache (1.3.117)
      Microsoft.CodeAnalysis.BannedApiAnalyzers (>= 3.3.3)
      Company.Domain.Shared (>= 1.3.258)
      Company.Domain.Shared.Fees (>= 1.3.87)
      Company.Domain.Shared.Geo (>= 1.3.54)
      Company.Quality.CodeAnalyzer (>= 0.1.63)
    Company.Domain.Shared.DiffCache.OffHeap (1.0.8)
      Microsoft.CodeAnalysis.BannedApiAnalyzers (>= 3.3.3)
      Company.Common.Logging.Structured (>= 1.4.181)
      Company.OffHeapDiffCache.Client (>= 3.1.29)
      Company.Quality.CodeAnalyzer (>= 0.1.63)
    Company.Domain.Shared.Fees (1.3.87)
      Microsoft.CodeAnalysis.BannedApiAnalyzers (>= 3.3.3)
      Company.Common.Collections (>= 2.6.2)
      Company.DB.Provisioning.Primitives (>= 1.3.581)
      Company.Quality.CodeAnalyzer (>= 0.1.63)
    Company.Domain.Shared.Geo (1.3.54)
      CsvHelper (>= 12.1.2)
      MaxMind.GeoIP2 (>= 3.0)
      Microsoft.CodeAnalysis.BannedApiAnalyzers (>= 3.3.3)
      Company.Common.Http.Client (>= 2.6.1)
      Company.Common.Logging.Structured (>= 1.4.194)
      Company.Common.Scheduling.Manager (>= 1.0.64)
      Company.Common.TimeZoneInfo (>= 1.8.2)
      Company.Quality.CodeAnalyzer (>= 0.1.63)
    Company.Domain.Shared.HTTP (1.3.52)
      Microsoft.AspNetCore.WebUtilities (>= 2.2)
      Microsoft.CodeAnalysis.BannedApiAnalyzers (>= 3.3.3)
      Company.Channels.ExternalLibs.DeviceAtlas (>= 1.0.2)
      Company.Common.Caching (>= 3.7.1)
      Company.Domain.Shared.Geo (>= 1.3.51)
      Company.Quality.CodeAnalyzer (>= 0.1.63)
    Company.Domain.Shared.Membership (1.0.33)
      BCrypt.Net-Next (>= 4.0.2)
      BouncyCastle (>= 1.7)
      LinqKit (>= 1.1.8)
      Microsoft.CodeAnalysis.BannedApiAnalyzers (>= 3.3.3)
      Company.Auth.ServiceToken.Core (>= 0.1.56)
      Company.Auth.UserProfile.Client (>= 1.1.101)
      Company.DB.UserProfile.EntityFramework (>= 1.0.2)
      Company.Domain.Shared.API (>= 1.0.11)
      Company.Quality.CodeAnalyzer (>= 0.1.63)
    Company.Domain.Shared.Privacy (1.0.84)
      Microsoft.CodeAnalysis.BannedApiAnalyzers (>= 3.3.3)
      Company.Domain.PII (>= 1.0.11)
      Company.Domain.Shared.Geo (>= 1.3.54)
      Company.Quality.CodeAnalyzer (>= 0.1.63)
    Company.Domain.Shared.ReferrerCache.Helpers (1.0.3)
      Microsoft.Extensions.Primitives (>= 3.1.32)
      System.Collections.Immutable (>= 5.0)
      System.ComponentModel.Annotations (>= 4.7)
      Company.Common.BCL (>= 2.16.2)
      Company.Contextual.Constants (>= 1.1.8)
    Company.Domain.Shared.ReferrerCache.Interfaces (1.0.5)
      Collections.Pooled (>= 2.0.0-preview.27)
      Microsoft.Extensions.ObjectPool (>= 3.1.4)
      Company.Common.BCL (>= 2.16.2)
      Company.Common.Caching (>= 3.7.1)
      Company.Common.Collections (>= 2.6.2)
      Company.Common.Serialization (>= 3.9.1)
      Company.Contextual.Constants (>= 1.1.8)
      Company.Domain.Shared.ReferrerCache.Helpers (>= 1.0.3)
    Company.Domain.Shared.ReferrerCache.ReferrerCacheUrlHelper (1.0.3)
      Company.Common.BCL (>= 2.16.2)
      Company.Common.Collections (>= 2.6.2)
      Company.Common.Telemetry (>= 5.3.1)
      Company.Domain.Shared.ReferrerCache.Helpers (>= 1.0.3)
    Company.Domain.Shared.UserTargeting (1.1.1)
      Company.Common.Logging (>= 1.1.1)
      Company.Domain.Shared.DiffCache (>= 1.1.1)
    Company.Domain.Shared.Web (1.3.80)
      AdPlatform.ServiceStack (>= 3.9.60)
      Microsoft.AspNetCore.Mvc.Abstractions (>= 2.2)
      Microsoft.AspNetCore.Server.IIS (>= 2.2.6)
      Microsoft.CodeAnalysis.BannedApiAnalyzers (>= 3.3.3)
      NewRelic.Agent.Api (>= 8.41.1)
      Company.Domain.Shared.DiffCache (>= 1.3.115)
      Company.Domain.Shared.HTTP (>= 1.3.52)
      Company.Domain.Shared.Membership (>= 1.0.33)
      Company.Domain.Shared.Privacy (>= 1.0.54)
      Company.Quality.CodeAnalyzer (>= 0.1.63)
      Company.WhiteLabel (>= 1.6.1)
    Company.DotNetOpenAuth (4.3.4)
    Company.GeoNG.AtmosphericCondition.Common (0.2.74)
    Company.GeoNG.IndexClient (0.2.74)
      AdPlatform.FastJson (>= 1.2.1)
      System.Drawing.Common (>= 5.0.3)
      System.Text.Encodings.Web (>= 4.7.2)
      Company.Common.AWS (>= 2.11.4)
      Company.Common.BCL (>= 2.12.1)
      Company.OffHeapDiffCache (>= 3.1.33)
      Company.OffHeapDiffCache.Client (>= 3.1.33)
      Company.OffHeapDiffCache.CodeGen (>= 3.1.33)
    Company.GeoNG.IndexClientCommon (0.2.241)
      AdPlatform.FastJson (>= 1.2.1)
      System.Drawing.Common (>= 5.0.3)
      System.Text.Encodings.Web (>= 4.7.2)
      Company.Common.AWS (>= 2.11.4)
      Company.Common.BCL (>= 2.12.1)
      Company.OffHeapDiffCache (>= 3.1.33)
      Company.OffHeapDiffCache.Client (>= 3.1.33)
      Company.OffHeapDiffCache.CodeGen (>= 3.1.33)
    Company.GeoNG.LatLngIndexClient (0.2.74)
      AdPlatform.FastJson (>= 1.2.1)
      S2Geometry (>= 1.0.3)
      System.Drawing.Common (>= 5.0.3)
      System.Text.Encodings.Web (>= 4.7.2)
      Company.Common.AWS (>= 2.11.4)
      Company.Common.BCL (>= 2.12.1)
      Company.GeoNG.IndexClientCommon (>= 0.2.74)
      Company.OffHeapDiffCache (>= 3.1.33)
      Company.OffHeapDiffCache.Client (>= 3.1.33)
      Company.OffHeapDiffCache.CodeGen (>= 3.1.33)
    Company.Infra.ConfigManagementAssistant (3.2.13)
    Company.NetCore.Runtime.Patch.linux-x64 (6.0.14-companything02)
    Company.OffHeapDiffCache (3.1.39)
      Microsoft.Extensions.ObjectPool (>= 2.2)
      System.Collections.Immutable (>= 1.5)
      System.Memory (>= 4.5.3)
      YamlDotNet (>= 11.2.1)
    Company.OffHeapDiffCache.Client (3.1.33)
      System.Reactive (>= 4.1.3)
      Company.OffHeapDiffCache (>= 3.1.33)
    Company.OffHeapDiffCache.CodeGen (3.1.33)
    Company.ProductCatalogService.DeltaClient (3.0.186)
      Company.Delta.Lib.Client (>= 0.1.9)
      Company.ProductCatalogService.DeltaContract (>= 3.0.186)
    Company.ProductCatalogService.DeltaContract (3.0.198)
      Company.OffHeapDiffCache (>= 3.1.29)
      Company.OffHeapDiffCache.Client (>= 3.1.29)
      Company.OffHeapDiffCache.CodeGen (>= 3.1.29)
    Company.Quality.CodeAnalyzer (0.1.63)
    Company.WhiteLabel (1.6.1)
      Company.Common.BCL (>= 2.3.1)
      Company.Common.Security.Validation (>= 1.0.40)
    Company.ZStd.Native (1.5.2000)
      Company.ZStd.Native.runtime.linux-x64 (>= 1.5.2000)
      Company.ZStd.Native.runtime.osx-x64 (>= 1.5.2000)
      Company.ZStd.Native.runtime.win-x64 (>= 1.5.2000)
    Company.ZStd.Native.runtime.linux-x64 (1.5.2000)
    Company.ZStd.Native.runtime.osx-x64 (1.5.2000)
    Company.ZStd.Native.runtime.win-x64 (1.5.2000)
  remote: https://nexus.comp.org/repository/nuget-dot-org-proxy-v3/index.json
    aliyun-net-sdk-core (1.5.11)
    aliyun-net-sdk-kms (2.15.1)
      aliyun-net-sdk-core (>= 1.5.11)
      Newtonsoft.Json (>= 9.0.1)
    Aliyun.OSS.SDK.NetCore (2.13.0)
    AWSSDK.AutoScaling (3.7.104.50)
      AWSSDK.Core (>= 3.7.108.1 < 4.0)
    AWSSDK.CloudFront (3.7.105.74)
      AWSSDK.Core (>= 3.7.108.1 < 4.0)
    AWSSDK.Core (3.7.108.1)
    AWSSDK.DataPipeline (3.7.100.152)
      AWSSDK.Core (>= 3.7.108.1 < 4.0)
    AWSSDK.DynamoDBv2 (3.7.105.5)
      AWSSDK.Core (>= 3.7.108.1 < 4.0)
    AWSSDK.EC2 (3.7.140.2)
      AWSSDK.Core (>= 3.7.108.1 < 4.0)
    AWSSDK.IdentityManagement (3.7.102.5)
      AWSSDK.Core (>= 3.7.108.1 < 4.0)
    AWSSDK.ImportExport (3.7.100.152)
      AWSSDK.Core (>= 3.7.108.1 < 4.0)
    AWSSDK.Lambda (3.7.113.5)
      AWSSDK.Core (>= 3.7.108.1 < 4.0)
    AWSSDK.OpsWorks (3.7.100.152)
      AWSSDK.Core (>= 3.7.108.1 < 4.0)
    AWSSDK.RDS (3.7.120.5)
      AWSSDK.Core (>= 3.7.108.1 < 4.0)
    AWSSDK.S3 (3.7.107.5)
      AWSSDK.Core (>= 3.7.108.1 < 4.0)
    AWSSDK.SecurityToken (3.7.103.21)
      AWSSDK.Core (>= 3.7.108.1 < 4.0)
    AWSSDK.SimpleWorkflow (3.7.102.25)
      AWSSDK.Core (>= 3.7.108.1 < 4.0)
    AWSSDK.SQS (3.7.103.10)
      AWSSDK.Core (>= 3.7.108.1 < 4.0)
    Azure.Core (1.33.0)
      Microsoft.Bcl.AsyncInterfaces (>= 1.1.1)
      System.Diagnostics.DiagnosticSource (>= 4.6)
      System.Memory.Data (>= 1.0.2)
      System.Numerics.Vectors (>= 4.5)
      System.Text.Encodings.Web (>= 4.7.2)
      System.Text.Json (>= 4.7.2)
      System.Threading.Tasks.Extensions (>= 4.5.4)
    Azure.Identity (1.9.0)
      Azure.Core (>= 1.32)
      Microsoft.Identity.Client (>= 4.49.1)
      Microsoft.Identity.Client.Extensions.Msal (>= 2.25.3)
      System.Memory (>= 4.5.4)
      System.Security.Cryptography.ProtectedData (>= 4.7)
      System.Text.Json (>= 4.7.2)
      System.Threading.Tasks.Extensions (>= 4.5.4)
    Azure.Storage.Blobs (12.17.0)
      Azure.Storage.Common (>= 12.16)
      System.Text.Json (>= 4.7.2)
    Azure.Storage.Common (12.16.0)
      Azure.Core (>= 1.33)
      System.IO.Hashing (>= 6.0)
    Azure.Storage.Queues (12.15.0)
      Azure.Storage.Common (>= 12.16)
      System.Memory.Data (>= 1.0.2)
      System.Text.Json (>= 4.7.2)
    BCrypt.Net-Next (4.0.2)
    BouncyCastle (1.7.0)
    BouncyCastle.Cryptography (2.2.1)
    BouncyCastle.NetCore (1.9.0)
    Collections.Pooled (2.0.0-preview.27)
    coverlet.collector (1.0.1)
    CsvHelper (12.1.2)
      Microsoft.CSharp (>= 4.4)
      System.Reflection.TypeExtensions (>= 4.4)
    Elasticsearch.Net (7.17.5)
      Microsoft.CSharp (>= 4.6)
      System.Buffers (>= 4.5.1)
      System.Diagnostics.DiagnosticSource (>= 5.0)
    EntityFramework (6.4.4)
      Microsoft.CSharp (>= 4.7)
      System.CodeDom (>= 4.7)
      System.ComponentModel.Annotations (>= 4.7)
      System.Configuration.ConfigurationManager (>= 4.7)
      System.Data.SqlClient (>= 4.8.1)
    EntityFramework.CodeFirstStoreFunctions (1.2.0)
      EntityFramework (>= 6.3)
    FastExpressionCompiler (3.3.4)
    Google.Protobuf (3.23.4)
    Grpc (2.46.6)
      Grpc.Core (>= 2.46.6)
    Grpc.AspNetCore.Server (2.55.0)
      Grpc.Net.Common (>= 2.55)
    Grpc.Core (2.46.6)
      Grpc.Core.Api (>= 2.46.6)
      System.Memory (>= 4.5.3)
    Grpc.Core.Api (2.55.0)
      System.Memory (>= 4.5.3)
    Grpc.Net.Client (2.55.0)
      Grpc.Net.Common (>= 2.55)
      Microsoft.Extensions.Logging.Abstractions (>= 3.0.3)
    Grpc.Net.Common (2.55.0)
      Grpc.Core.Api (>= 2.55)
    HtmlAgilityPack (1.8.7)
      System.Net.Http (>= 4.3.2)
      System.Xml.XmlDocument (>= 4.3)
      System.Xml.XPath (>= 4.3)
      System.Xml.XPath.XmlDocument (>= 4.3)
    Iconic.Zlib.Netstandard (1.0.0)
      NETStandard.Library (>= 1.6)
    IdentityModel (6.1.0)
    JsonSubTypes (2.0.1)
      Newtonsoft.Json (>= 13.0.1)
    LinqKit (1.2.4)
      EntityFramework (>= 6.3)
      LinqKit.Core (>= 1.2.4)
    LinqKit.Core (1.2.4)
    lz4net (1.0.15.93)
      lz4net.unsafe.netcore (1.0.15.93)
      NETStandard.Library (>= 1.6.1)
    lz4net.unsafe.netcore (1.0.15.93)
      NETStandard.Library (>= 1.6.1)
    Macross.Json.Extensions (3.0.0)
    MathNet.Numerics (5.0.0)
    MaxMind.Db (4.0.0)
    MaxMind.GeoIP2 (3.0.0)
      MaxMind.Db (>= 2.4)
      Microsoft.CSharp (>= 4.4.1)
      Newtonsoft.Json (>= 11.0.2)
    Microsoft.ApplicationInsights (2.21.0)
      System.Diagnostics.DiagnosticSource (>= 5.0)
    Microsoft.AspNet.WebApi.Client (5.2.9)
      Newtonsoft.Json (>= 10.0.1)
      Newtonsoft.Json.Bson (>= 1.0.1)
    Microsoft.AspNetCore (2.2.0)
      Microsoft.AspNetCore.Diagnostics (>= 2.2)
      Microsoft.AspNetCore.HostFiltering (>= 2.2)
      Microsoft.AspNetCore.Hosting (>= 2.2)
      Microsoft.AspNetCore.Routing (>= 2.2)
      Microsoft.AspNetCore.Server.IIS (>= 2.2)
      Microsoft.AspNetCore.Server.IISIntegration (>= 2.2)
      Microsoft.AspNetCore.Server.Kestrel (>= 2.2)
      Microsoft.AspNetCore.Server.Kestrel.Https (>= 2.2)
      Microsoft.Extensions.Configuration.CommandLine (>= 2.2)
      Microsoft.Extensions.Configuration.EnvironmentVariables (>= 2.2)
      Microsoft.Extensions.Configuration.FileExtensions (>= 2.2)
      Microsoft.Extensions.Configuration.Json (>= 2.2)
      Microsoft.Extensions.Configuration.UserSecrets (>= 2.2)
      Microsoft.Extensions.Logging (>= 2.2)
      Microsoft.Extensions.Logging.Configuration (>= 2.2)
      Microsoft.Extensions.Logging.Console (>= 2.2)
      Microsoft.Extensions.Logging.Debug (>= 2.2)
      Microsoft.Extensions.Logging.EventSource (>= 2.2)
    Microsoft.AspNetCore.Antiforgery (2.2.0)
      Microsoft.AspNetCore.DataProtection (>= 2.2)
      Microsoft.AspNetCore.Http.Abstractions (>= 2.2)
      Microsoft.AspNetCore.Http.Extensions (>= 2.2)
      Microsoft.AspNetCore.WebUtilities (>= 2.2)
      Microsoft.Extensions.ObjectPool (>= 2.2)
    Microsoft.AspNetCore.App.Ref (6.0.20)
    Microsoft.AspNetCore.App.Runtime.linux-x64 (6.0.18)
    Microsoft.AspNetCore.App.Runtime.osx-x64 (6.0.18)
    Microsoft.AspNetCore.App.Runtime.win-x64 (6.0.18)
    Microsoft.AspNetCore.Authentication.Abstractions (2.2.0)
      Microsoft.AspNetCore.Http.Abstractions (>= 2.2)
      Microsoft.Extensions.Logging.Abstractions (>= 2.2)
      Microsoft.Extensions.Options (>= 2.2)
    Microsoft.AspNetCore.Authentication.Core (2.2.0)
      Microsoft.AspNetCore.Authentication.Abstractions (>= 2.2)
      Microsoft.AspNetCore.Http (>= 2.2)
      Microsoft.AspNetCore.Http.Extensions (>= 2.2)
    Microsoft.AspNetCore.Authentication.JwtBearer (6.0.20)
      Microsoft.IdentityModel.Protocols.OpenIdConnect (>= 6.10)
    Microsoft.AspNetCore.Authorization (2.2.0)
      Microsoft.Extensions.Logging.Abstractions (>= 2.2)
      Microsoft.Extensions.Options (>= 2.2)
    Microsoft.AspNetCore.Authorization.Policy (2.2.0)
      Microsoft.AspNetCore.Authentication.Abstractions (>= 2.2)
      Microsoft.AspNetCore.Authorization (>= 2.2)
    Microsoft.AspNetCore.Connections.Abstractions (6.0.20)
      Microsoft.Extensions.Features (>= 6.0.20)
      System.IO.Pipelines (>= 6.0.3)
    Microsoft.AspNetCore.Cors (2.2.0)
      Microsoft.AspNetCore.Http.Extensions (>= 2.2)
      Microsoft.Extensions.Configuration.Abstractions (>= 2.2)
      Microsoft.Extensions.DependencyInjection.Abstractions (>= 2.2)
      Microsoft.Extensions.Logging.Abstractions (>= 2.2)
      Microsoft.Extensions.Options (>= 2.2)
    Microsoft.AspNetCore.Cryptography.Internal (6.0.20)
    Microsoft.AspNetCore.DataProtection (6.0.20)
      Microsoft.AspNetCore.Cryptography.Internal (>= 6.0.20)
      Microsoft.AspNetCore.DataProtection.Abstractions (>= 6.0.20)
      Microsoft.Extensions.DependencyInjection.Abstractions (>= 6.0)
      Microsoft.Extensions.Hosting.Abstractions (>= 6.0)
      Microsoft.Extensions.Logging.Abstractions (>= 6.0.4)
      Microsoft.Extensions.Options (>= 6.0)
      System.Security.Cryptography.Xml (>= 6.0.1)
    Microsoft.AspNetCore.DataProtection.Abstractions (6.0.20)
    Microsoft.AspNetCore.Diagnostics (2.2.0)
      Microsoft.AspNetCore.Diagnostics.Abstractions (>= 2.2)
      Microsoft.AspNetCore.Hosting.Abstractions (>= 2.2)
      Microsoft.AspNetCore.Http.Extensions (>= 2.2)
      Microsoft.AspNetCore.WebUtilities (>= 2.2)
      Microsoft.Extensions.FileProviders.Physical (>= 2.2)
      Microsoft.Extensions.Logging.Abstractions (>= 2.2)
      Microsoft.Extensions.Options (>= 2.2)
      System.Diagnostics.DiagnosticSource (>= 4.5)
      System.Reflection.Metadata (>= 1.6)
    Microsoft.AspNetCore.Diagnostics.Abstractions (2.2.0)
    Microsoft.AspNetCore.HostFiltering (2.2.0)
      Microsoft.AspNetCore.Hosting.Abstractions (>= 2.2)
      Microsoft.AspNetCore.Http (>= 2.2)
      Microsoft.AspNetCore.Http.Extensions (>= 2.2)
      Microsoft.Extensions.Options (>= 2.2)
    Microsoft.AspNetCore.Hosting (2.2.7)
      Microsoft.AspNetCore.Hosting.Abstractions (>= 2.2)
      Microsoft.AspNetCore.Http (>= 2.2)
      Microsoft.AspNetCore.Http.Extensions (>= 2.2)
      Microsoft.Extensions.Configuration (>= 2.2)
      Microsoft.Extensions.Configuration.EnvironmentVariables (>= 2.2.4)
      Microsoft.Extensions.Configuration.FileExtensions (>= 2.2)
      Microsoft.Extensions.DependencyInjection (>= 2.2)
      Microsoft.Extensions.FileProviders.Physical (>= 2.2)
      Microsoft.Extensions.Hosting.Abstractions (>= 2.2)
      Microsoft.Extensions.Logging (>= 2.2)
      Microsoft.Extensions.Options (>= 2.2)
      System.Diagnostics.DiagnosticSource (>= 4.5.1)
      System.Reflection.Metadata (>= 1.6)
    Microsoft.AspNetCore.Hosting.Abstractions (2.2.0)
      Microsoft.AspNetCore.Hosting.Server.Abstractions (>= 2.2)
      Microsoft.AspNetCore.Http.Abstractions (>= 2.2)
      Microsoft.Extensions.Hosting.Abstractions (>= 2.2)
    Microsoft.AspNetCore.Hosting.Server.Abstractions (2.2.0)
      Microsoft.AspNetCore.Http.Features (>= 2.2)
      Microsoft.Extensions.Configuration.Abstractions (>= 2.2)
    Microsoft.AspNetCore.Html.Abstractions (2.2.0)
      System.Text.Encodings.Web (>= 4.5)
    Microsoft.AspNetCore.Http (2.2.2)
      Microsoft.AspNetCore.Http.Abstractions (>= 2.2)
      Microsoft.AspNetCore.WebUtilities (>= 2.2)
      Microsoft.Extensions.ObjectPool (>= 2.2)
      Microsoft.Extensions.Options (>= 2.2)
      Microsoft.Net.Http.Headers (>= 2.2)
    Microsoft.AspNetCore.Http.Abstractions (2.2.0)
      Microsoft.AspNetCore.Http.Features (>= 2.2)
      System.Text.Encodings.Web (>= 4.5)
    Microsoft.AspNetCore.Http.Extensions (2.2.0)
      Microsoft.AspNetCore.Http.Abstractions (>= 2.2)
      Microsoft.Extensions.FileProviders.Abstractions (>= 2.2)
      Microsoft.Net.Http.Headers (>= 2.2)
      System.Buffers (>= 4.5)
    Microsoft.AspNetCore.Http.Features (5.0.17)
      Microsoft.Extensions.Primitives (>= 5.0.1)
      System.IO.Pipelines (>= 5.0.2)
    Microsoft.AspNetCore.HttpOverrides (2.2.0)
      Microsoft.AspNetCore.Http.Extensions (>= 2.2)
      Microsoft.Extensions.Logging.Abstractions (>= 2.2)
      Microsoft.Extensions.Options (>= 2.2)
    Microsoft.AspNetCore.JsonPatch (6.0.20)
      Microsoft.CSharp (>= 4.7)
      Newtonsoft.Json (>= 13.0.1)
    Microsoft.AspNetCore.Localization (2.2.0)
      Microsoft.AspNetCore.Http.Extensions (>= 2.2)
      Microsoft.Extensions.Localization.Abstractions (>= 2.2)
      Microsoft.Extensions.Logging.Abstractions (>= 2.2)
      Microsoft.Extensions.Options (>= 2.2)
    Microsoft.AspNetCore.Mvc (2.0.0)
      Microsoft.AspNetCore.Mvc.ApiExplorer (>= 2.0)
      Microsoft.AspNetCore.Mvc.Cors (>= 2.0)
      Microsoft.AspNetCore.Mvc.DataAnnotations (>= 2.0)
      Microsoft.AspNetCore.Mvc.Formatters.Json (>= 2.0)
      Microsoft.AspNetCore.Mvc.Localization (>= 2.0)
      Microsoft.AspNetCore.Mvc.RazorPages (>= 2.0)
      Microsoft.AspNetCore.Mvc.TagHelpers (>= 2.0)
      Microsoft.AspNetCore.Mvc.ViewFeatures (>= 2.0)
      Microsoft.Extensions.Caching.Memory (>= 2.0)
      Microsoft.Extensions.DependencyInjection (>= 2.0)
    Microsoft.AspNetCore.Mvc.Abstractions (2.2.0)
      Microsoft.AspNetCore.Routing.Abstractions (>= 2.2)
      Microsoft.Net.Http.Headers (>= 2.2)
    Microsoft.AspNetCore.Mvc.ApiExplorer (2.2.0)
      Microsoft.AspNetCore.Mvc.Core (>= 2.2)
    Microsoft.AspNetCore.Mvc.Core (2.2.5)
      Microsoft.AspNetCore.Authentication.Core (>= 2.2)
      Microsoft.AspNetCore.Authorization.Policy (>= 2.2)
      Microsoft.AspNetCore.Hosting.Abstractions (>= 2.2)
      Microsoft.AspNetCore.Http (>= 2.2)
      Microsoft.AspNetCore.Http.Extensions (>= 2.2)
      Microsoft.AspNetCore.Mvc.Abstractions (>= 2.2)
      Microsoft.AspNetCore.ResponseCaching.Abstractions (>= 2.2)
      Microsoft.AspNetCore.Routing (>= 2.2)
      Microsoft.AspNetCore.Routing.Abstractions (>= 2.2)
      Microsoft.Extensions.DependencyInjection (>= 2.2)
      Microsoft.Extensions.DependencyModel (>= 2.1)
      Microsoft.Extensions.FileProviders.Abstractions (>= 2.2)
      Microsoft.Extensions.Logging.Abstractions (>= 2.2)
      System.Diagnostics.DiagnosticSource (>= 4.5)
      System.Threading.Tasks.Extensions (>= 4.5.1)
    Microsoft.AspNetCore.Mvc.Cors (2.2.0)
      Microsoft.AspNetCore.Cors (>= 2.2)
      Microsoft.AspNetCore.Mvc.Core (>= 2.2)
    Microsoft.AspNetCore.Mvc.DataAnnotations (2.2.0)
      Microsoft.AspNetCore.Mvc.Core (>= 2.2)
      Microsoft.Extensions.Localization (>= 2.2)
      System.ComponentModel.Annotations (>= 4.5)
    Microsoft.AspNetCore.Mvc.Formatters.Json (2.2.0)
      Microsoft.AspNetCore.JsonPatch (>= 2.2)
      Microsoft.AspNetCore.Mvc.Core (>= 2.2)
    Microsoft.AspNetCore.Mvc.Localization (2.2.0)
      Microsoft.AspNetCore.Localization (>= 2.2)
      Microsoft.AspNetCore.Mvc.Razor (>= 2.2)
      Microsoft.Extensions.DependencyInjection (>= 2.2)
      Microsoft.Extensions.Localization (>= 2.2)
    Microsoft.AspNetCore.Mvc.Razor (2.2.0)
      Microsoft.AspNetCore.Mvc.Razor.Extensions (>= 2.2)
      Microsoft.AspNetCore.Mvc.ViewFeatures (>= 2.2)
      Microsoft.AspNetCore.Razor.Runtime (>= 2.2)
      Microsoft.CodeAnalysis.CSharp (>= 2.8)
      Microsoft.CodeAnalysis.Razor (>= 2.2)
      Microsoft.Extensions.Caching.Memory (>= 2.2)
      Microsoft.Extensions.FileProviders.Composite (>= 2.2)
    Microsoft.AspNetCore.Mvc.Razor.Extensions (6.0.20)
      Microsoft.AspNetCore.Razor.Language (>= 6.0.20)
      Microsoft.CodeAnalysis.Razor (>= 6.0.20)
    Microsoft.AspNetCore.Mvc.RazorPages (2.2.5)
      Microsoft.AspNetCore.Mvc.Razor (>= 2.2)
    Microsoft.AspNetCore.Mvc.TagHelpers (2.2.0)
      Microsoft.AspNetCore.Mvc.Razor (>= 2.2)
      Microsoft.AspNetCore.Razor.Runtime (>= 2.2)
      Microsoft.AspNetCore.Routing.Abstractions (>= 2.2)
      Microsoft.Extensions.Caching.Memory (>= 2.2)
      Microsoft.Extensions.FileSystemGlobbing (>= 2.2)
      Microsoft.Extensions.Primitives (>= 2.2)
    Microsoft.AspNetCore.Mvc.ViewFeatures (2.2.0)
      Microsoft.AspNetCore.Antiforgery (>= 2.2)
      Microsoft.AspNetCore.Diagnostics.Abstractions (>= 2.2)
      Microsoft.AspNetCore.Html.Abstractions (>= 2.2)
      Microsoft.AspNetCore.Mvc.Core (>= 2.2)
      Microsoft.AspNetCore.Mvc.DataAnnotations (>= 2.2)
      Microsoft.AspNetCore.Mvc.Formatters.Json (>= 2.2)
      Microsoft.Extensions.WebEncoders (>= 2.2)
      Newtonsoft.Json.Bson (>= 1.0.1)
    Microsoft.AspNetCore.Razor (2.2.0)
      Microsoft.AspNetCore.Html.Abstractions (>= 2.2)
    Microsoft.AspNetCore.Razor.Language (6.0.20)
    Microsoft.AspNetCore.Razor.Runtime (2.2.0)
      Microsoft.AspNetCore.Html.Abstractions (>= 2.2)
      Microsoft.AspNetCore.Razor (>= 2.2)
    Microsoft.AspNetCore.ResponseCaching.Abstractions (2.2.0)
      Microsoft.Extensions.Primitives (>= 2.2)
    Microsoft.AspNetCore.Routing (2.2.2)
      Microsoft.AspNetCore.Http.Extensions (>= 2.2)
      Microsoft.AspNetCore.Routing.Abstractions (>= 2.2)
      Microsoft.Extensions.Logging.Abstractions (>= 2.2)
      Microsoft.Extensions.ObjectPool (>= 2.2)
      Microsoft.Extensions.Options (>= 2.2)
    Microsoft.AspNetCore.Routing.Abstractions (2.2.0)
      Microsoft.AspNetCore.Http.Abstractions (>= 2.2)
    Microsoft.AspNetCore.Server.IIS (2.2.6)
      Microsoft.AspNetCore.Authentication.Core (>= 2.2)
      Microsoft.AspNetCore.Connections.Abstractions (>= 2.2)
      Microsoft.AspNetCore.Hosting.Abstractions (>= 2.2)
      System.IO.Pipelines (>= 4.5.3)
      System.Security.Principal.Windows (>= 4.5)
    Microsoft.AspNetCore.Server.IISIntegration (2.2.1)
      Microsoft.AspNetCore.Authentication.Core (>= 2.2)
      Microsoft.AspNetCore.Hosting.Abstractions (>= 2.2)
      Microsoft.AspNetCore.Http (>= 2.2)
      Microsoft.AspNetCore.Http.Extensions (>= 2.2)
      Microsoft.AspNetCore.HttpOverrides (>= 2.2)
      Microsoft.Extensions.Logging.Abstractions (>= 2.2)
      Microsoft.Extensions.Options (>= 2.2)
      System.Buffers (>= 4.5)
      System.IO.Pipelines (>= 4.5.2)
      System.Memory (>= 4.5.1)
      System.Numerics.Vectors (>= 4.5)
      System.Runtime.CompilerServices.Unsafe (>= 4.5.1)
      System.Security.Principal.Windows (>= 4.5)
    Microsoft.AspNetCore.Server.Kestrel (2.2.0)
      Microsoft.AspNetCore.Hosting (>= 2.2)
      Microsoft.AspNetCore.Server.Kestrel.Core (>= 2.2)
      Microsoft.AspNetCore.Server.Kestrel.Https (>= 2.2)
      Microsoft.AspNetCore.Server.Kestrel.Transport.Sockets (>= 2.2)
    Microsoft.AspNetCore.Server.Kestrel.Core (2.2.0)
      Microsoft.AspNetCore.Hosting.Abstractions (>= 2.2)
      Microsoft.AspNetCore.Http (>= 2.2)
      Microsoft.AspNetCore.Server.Kestrel.Transport.Abstractions (>= 2.2)
      Microsoft.AspNetCore.WebUtilities (>= 2.2)
      Microsoft.Extensions.Configuration.Binder (>= 2.2)
      Microsoft.Extensions.Logging.Abstractions (>= 2.2)
      Microsoft.Extensions.Options (>= 2.2)
      Microsoft.Net.Http.Headers (>= 2.2)
      System.Memory (>= 4.5.1)
      System.Numerics.Vectors (>= 4.5)
      System.Runtime.CompilerServices.Unsafe (>= 4.5.1)
      System.Security.Cryptography.Cng (>= 4.5)
      System.Threading.Tasks.Extensions (>= 4.5.1)
    Microsoft.AspNetCore.Server.Kestrel.Https (2.2.0)
      Microsoft.AspNetCore.Http.Abstractions (>= 2.2)
      Microsoft.AspNetCore.Server.Kestrel.Core (>= 2.2)
    Microsoft.AspNetCore.Server.Kestrel.Transport.Abstractions (2.2.0)
      Microsoft.AspNetCore.Connections.Abstractions (>= 2.2)
    Microsoft.AspNetCore.Server.Kestrel.Transport.Sockets (2.2.1)
      Microsoft.AspNetCore.Hosting.Abstractions (>= 2.2)
      Microsoft.AspNetCore.Server.Kestrel.Transport.Abstractions (>= 2.2)
      Microsoft.Extensions.Options (>= 2.2)
    Microsoft.AspNetCore.WebUtilities (2.2.0)
      Microsoft.Net.Http.Headers (>= 2.2)
      System.Text.Encodings.Web (>= 4.5)
    Microsoft.Bcl.AsyncInterfaces (7.0.0)
    Microsoft.CodeAnalysis.Analyzers (3.3.4)
    Microsoft.CodeAnalysis.BannedApiAnalyzers (3.3.4)
    Microsoft.CodeAnalysis.Common (4.6.0)
      Microsoft.CodeAnalysis.Analyzers (>= 3.3.4)
      System.Collections.Immutable (>= 7.0)
      System.Reflection.Metadata (>= 7.0)
      System.Runtime.CompilerServices.Unsafe (>= 6.0)
      System.Text.Encoding.CodePages (>= 7.0)
    Microsoft.CodeAnalysis.CSharp (4.6.0)
      Microsoft.CodeAnalysis.Common (4.6)
    Microsoft.CodeAnalysis.CSharp.Scripting (4.6.0)
      Microsoft.CodeAnalysis.Common (4.6)
      Microsoft.CodeAnalysis.CSharp (4.6)
      Microsoft.CodeAnalysis.Scripting.Common (4.6)
      Microsoft.CSharp (>= 4.7)
    Microsoft.CodeAnalysis.Razor (6.0.20)
      Microsoft.AspNetCore.Razor.Language (>= 6.0.20)
      Microsoft.CodeAnalysis.Common (>= 4.0)
      Microsoft.CodeAnalysis.CSharp (>= 4.0)
    Microsoft.CodeAnalysis.Scripting.Common (4.6.0)
      Microsoft.CodeAnalysis.Common (4.6)
    Microsoft.CSharp (4.7.0)
    Microsoft.EntityFrameworkCore (6.0.1)
      Microsoft.EntityFrameworkCore.Abstractions (>= 6.0.1)
      Microsoft.EntityFrameworkCore.Analyzers (>= 6.0.1)
      Microsoft.Extensions.Caching.Memory (>= 6.0)
      Microsoft.Extensions.DependencyInjection (>= 6.0)
      Microsoft.Extensions.Logging (>= 6.0)
      System.Collections.Immutable (>= 6.0)
      System.Diagnostics.DiagnosticSource (>= 6.0)
    Microsoft.EntityFrameworkCore.Abstractions (7.0.9)
    Microsoft.EntityFrameworkCore.Analyzers (7.0.9)
    Microsoft.Extensions.Caching.Abstractions (6.0.0)
      Microsoft.Extensions.Primitives (>= 6.0)
    Microsoft.Extensions.Caching.Memory (6.0.0)
      Microsoft.Extensions.Caching.Abstractions (>= 6.0)
      Microsoft.Extensions.DependencyInjection.Abstractions (>= 6.0)
      Microsoft.Extensions.Logging.Abstractions (>= 6.0)
      Microsoft.Extensions.Options (>= 6.0)
      Microsoft.Extensions.Primitives (>= 6.0)
    Microsoft.Extensions.Configuration (6.0.1)
      Microsoft.Extensions.Configuration.Abstractions (>= 6.0)
      Microsoft.Extensions.Primitives (>= 6.0)
    Microsoft.Extensions.Configuration.Abstractions (6.0.0)
      Microsoft.Extensions.Primitives (>= 6.0)
    Microsoft.Extensions.Configuration.Binder (6.0.0)
      Microsoft.Extensions.Configuration.Abstractions (>= 6.0)
    Microsoft.Extensions.Configuration.CommandLine (6.0.0)
      Microsoft.Extensions.Configuration (>= 6.0)
      Microsoft.Extensions.Configuration.Abstractions (>= 6.0)
    Microsoft.Extensions.Configuration.EnvironmentVariables (6.0.1)
      Microsoft.Extensions.Configuration (>= 6.0)
      Microsoft.Extensions.Configuration.Abstractions (>= 6.0)
    Microsoft.Extensions.Configuration.FileExtensions (6.0.0)
      Microsoft.Extensions.Configuration (>= 6.0)
      Microsoft.Extensions.Configuration.Abstractions (>= 6.0)
      Microsoft.Extensions.FileProviders.Abstractions (>= 6.0)
      Microsoft.Extensions.FileProviders.Physical (>= 6.0)
      Microsoft.Extensions.Primitives (>= 6.0)
    Microsoft.Extensions.Configuration.Json (6.0.0)
      Microsoft.Extensions.Configuration (>= 6.0)
      Microsoft.Extensions.Configuration.Abstractions (>= 6.0)
      Microsoft.Extensions.Configuration.FileExtensions (>= 6.0)
      Microsoft.Extensions.FileProviders.Abstractions (>= 6.0)
      System.Text.Json (>= 6.0)
    Microsoft.Extensions.Configuration.UserSecrets (6.0.1)
      Microsoft.Extensions.Configuration.Abstractions (>= 6.0)
      Microsoft.Extensions.Configuration.Json (>= 6.0)
      Microsoft.Extensions.FileProviders.Abstractions (>= 6.0)
      Microsoft.Extensions.FileProviders.Physical (>= 6.0)
    Microsoft.Extensions.Configuration.Xml (6.0.0)
      Microsoft.Extensions.Configuration (>= 6.0)
      Microsoft.Extensions.Configuration.Abstractions (>= 6.0)
      Microsoft.Extensions.Configuration.FileExtensions (>= 6.0)
      Microsoft.Extensions.FileProviders.Abstractions (>= 6.0)
      System.Security.Cryptography.Xml (>= 6.0)
    Microsoft.Extensions.DependencyInjection (6.0.1)
      Microsoft.Extensions.DependencyInjection.Abstractions (>= 6.0)
      System.Runtime.CompilerServices.Unsafe (>= 6.0)
    Microsoft.Extensions.DependencyInjection.Abstractions (6.0.0)
    Microsoft.Extensions.DependencyModel (6.0.0)
      System.Buffers (>= 4.5.1)
      System.Memory (>= 4.5.4)
      System.Runtime.CompilerServices.Unsafe (>= 6.0)
      System.Text.Encodings.Web (>= 6.0)
      System.Text.Json (>= 6.0)
    Microsoft.Extensions.Features (6.0.20)
    Microsoft.Extensions.FileProviders.Abstractions (6.0.0)
      Microsoft.Extensions.Primitives (>= 6.0)
    Microsoft.Extensions.FileProviders.Composite (6.0.0)
      Microsoft.Extensions.FileProviders.Abstractions (>= 6.0)
      Microsoft.Extensions.Primitives (>= 6.0)
    Microsoft.Extensions.FileProviders.Physical (6.0.0)
      Microsoft.Extensions.FileProviders.Abstractions (>= 6.0)
      Microsoft.Extensions.FileSystemGlobbing (>= 6.0)
      Microsoft.Extensions.Primitives (>= 6.0)
    Microsoft.Extensions.FileSystemGlobbing (7.0.0)
    Microsoft.Extensions.Hosting (3.1.32)
      Microsoft.Extensions.Configuration (>= 3.1.32)
      Microsoft.Extensions.Configuration.CommandLine (>= 3.1.32)
      Microsoft.Extensions.Configuration.EnvironmentVariables (>= 3.1.32)
      Microsoft.Extensions.Configuration.UserSecrets (>= 3.1.32)
      Microsoft.Extensions.DependencyInjection (>= 3.1.32)
      Microsoft.Extensions.FileProviders.Physical (>= 3.1.32)
      Microsoft.Extensions.Hosting.Abstractions (>= 3.1.32)
      Microsoft.Extensions.Logging (>= 3.1.32)
      Microsoft.Extensions.Logging.Console (>= 3.1.32)
      Microsoft.Extensions.Logging.Debug (>= 3.1.32)
      Microsoft.Extensions.Logging.EventLog (>= 3.1.32)
      Microsoft.Extensions.Logging.EventSource (>= 3.1.32)
    Microsoft.Extensions.Hosting.Abstractions (6.0.0)
      Microsoft.Extensions.Configuration.Abstractions (>= 6.0)
      Microsoft.Extensions.DependencyInjection.Abstractions (>= 6.0)
      Microsoft.Extensions.FileProviders.Abstractions (>= 6.0)
    Microsoft.Extensions.Http (6.0.0)
      Microsoft.Extensions.DependencyInjection.Abstractions (>= 6.0)
      Microsoft.Extensions.Logging (>= 6.0)
      Microsoft.Extensions.Logging.Abstractions (>= 6.0)
      Microsoft.Extensions.Options (>= 6.0)
    Microsoft.Extensions.Localization (6.0.20)
      Microsoft.Extensions.DependencyInjection.Abstractions (>= 6.0)
      Microsoft.Extensions.Localization.Abstractions (>= 6.0.20)
      Microsoft.Extensions.Logging.Abstractions (>= 6.0.4)
      Microsoft.Extensions.Options (>= 6.0)
    Microsoft.Extensions.Localization.Abstractions (6.0.20)
    Microsoft.Extensions.Logging (6.0.0)
      Microsoft.Extensions.DependencyInjection (>= 6.0)
      Microsoft.Extensions.DependencyInjection.Abstractions (>= 6.0)
      Microsoft.Extensions.Logging.Abstractions (>= 6.0)
      Microsoft.Extensions.Options (>= 6.0)
      System.Diagnostics.DiagnosticSource (>= 6.0)
    Microsoft.Extensions.Logging.Abstractions (6.0.4)
    Microsoft.Extensions.Logging.Configuration (6.0.0)
      Microsoft.Extensions.Configuration (>= 6.0)
      Microsoft.Extensions.Configuration.Abstractions (>= 6.0)
      Microsoft.Extensions.Configuration.Binder (>= 6.0)
      Microsoft.Extensions.DependencyInjection.Abstractions (>= 6.0)
      Microsoft.Extensions.Logging (>= 6.0)
      Microsoft.Extensions.Logging.Abstractions (>= 6.0)
      Microsoft.Extensions.Options (>= 6.0)
      Microsoft.Extensions.Options.ConfigurationExtensions (>= 6.0)
    Microsoft.Extensions.Logging.Console (6.0.0)
      Microsoft.Extensions.DependencyInjection.Abstractions (>= 6.0)
      Microsoft.Extensions.Logging (>= 6.0)
      Microsoft.Extensions.Logging.Abstractions (>= 6.0)
      Microsoft.Extensions.Logging.Configuration (>= 6.0)
      Microsoft.Extensions.Options (>= 6.0)
      System.Text.Json (>= 6.0)
    Microsoft.Extensions.Logging.Debug (6.0.0)
      Microsoft.Extensions.DependencyInjection.Abstractions (>= 6.0)
      Microsoft.Extensions.Logging (>= 6.0)
      Microsoft.Extensions.Logging.Abstractions (>= 6.0)
    Microsoft.Extensions.Logging.EventLog (6.0.0)
      Microsoft.Extensions.DependencyInjection.Abstractions (>= 6.0)
      Microsoft.Extensions.Logging (>= 6.0)
      Microsoft.Extensions.Logging.Abstractions (>= 6.0)
      Microsoft.Extensions.Options (>= 6.0)
      System.Diagnostics.EventLog (>= 6.0)
    Microsoft.Extensions.Logging.EventSource (6.0.0)
      Microsoft.Extensions.DependencyInjection.Abstractions (>= 6.0)
      Microsoft.Extensions.Logging (>= 6.0)
      Microsoft.Extensions.Logging.Abstractions (>= 6.0)
      Microsoft.Extensions.Options (>= 6.0)
      Microsoft.Extensions.Primitives (>= 6.0)
      System.Runtime.CompilerServices.Unsafe (>= 6.0)
      System.Text.Json (>= 6.0)
    Microsoft.Extensions.ObjectPool (6.0.16)
    Microsoft.Extensions.Options (6.0.0)
      Microsoft.Extensions.DependencyInjection.Abstractions (>= 6.0)
      Microsoft.Extensions.Primitives (>= 6.0)
    Microsoft.Extensions.Options.ConfigurationExtensions (6.0.0)
      Microsoft.Extensions.Configuration.Abstractions (>= 6.0)
      Microsoft.Extensions.Configuration.Binder (>= 6.0)
      Microsoft.Extensions.DependencyInjection.Abstractions (>= 6.0)
      Microsoft.Extensions.Options (>= 6.0)
      Microsoft.Extensions.Primitives (>= 6.0)
    Microsoft.Extensions.Primitives (6.0.0)
      System.Runtime.CompilerServices.Unsafe (>= 6.0)
    Microsoft.Extensions.WebEncoders (6.0.20)
      Microsoft.Extensions.DependencyInjection.Abstractions (>= 6.0)
      Microsoft.Extensions.Options (>= 6.0)
    Microsoft.Identity.Client (4.54.1)
      Microsoft.IdentityModel.Abstractions (>= 6.22)
    Microsoft.Identity.Client.Extensions.Msal (2.31.0)
      Microsoft.Identity.Client (>= 4.54.1)
      System.IO.FileSystem.AccessControl (>= 5.0)
      System.Security.Cryptography.ProtectedData (>= 4.5)
    Microsoft.IdentityModel.Abstractions (6.32.1)
    Microsoft.IdentityModel.JsonWebTokens (6.32.1)
      Microsoft.IdentityModel.Tokens (>= 6.32.1)
      System.Text.Encoding (>= 4.3)
      System.Text.Encodings.Web (>= 4.7.2)
      System.Text.Json (>= 4.7.2)
    Microsoft.IdentityModel.Logging (6.32.1)
      Microsoft.IdentityModel.Abstractions (>= 6.32.1)
    Microsoft.IdentityModel.Protocols (6.32.0)
      Microsoft.IdentityModel.Logging (>= 6.32)
      Microsoft.IdentityModel.Tokens (>= 6.32)
    Microsoft.IdentityModel.Protocols.OpenIdConnect (6.24.0)
      Microsoft.IdentityModel.Protocols (>= 6.24)
      System.IdentityModel.Tokens.Jwt (>= 6.24)
    Microsoft.IdentityModel.Tokens (6.32.1)
      Microsoft.CSharp (>= 4.5)
      Microsoft.IdentityModel.Logging (>= 6.32.1)
      System.Security.Cryptography.Cng (>= 4.5)
    Microsoft.Net.Http.Headers (2.2.8)
      Microsoft.Extensions.Primitives (>= 2.2)
      System.Buffers (>= 4.5)
    Microsoft.NETCore.App.Ref (6.0.18)
    Microsoft.NETCore.App.Runtime.linux-x64 (6.0.18)
    Microsoft.NETCore.App.Runtime.osx-x64 (6.0.18)
    Microsoft.NETCore.App.Runtime.win-x64 (6.0.18)
    Microsoft.NETCore.Platforms (7.0.3)
    Microsoft.NETCore.Targets (5.0.0)
    Microsoft.Win32.Primitives (4.3.0)
      Microsoft.NETCore.Platforms (>= 1.1)
      Microsoft.NETCore.Targets (>= 1.1)
      System.Runtime (>= 4.3)
    Microsoft.Win32.Registry (5.0.0)
      System.Security.AccessControl (>= 5.0)
      System.Security.Principal.Windows (>= 5.0)
    Microsoft.Win32.Registry.AccessControl (7.0.0)
    Microsoft.Win32.SystemEvents (7.0.0)
    Microsoft.Windows.Compatibility (7.0.4)
      Microsoft.Win32.Registry.AccessControl (>= 7.0)
      Microsoft.Win32.SystemEvents (>= 7.0)
      System.CodeDom (>= 7.0)
      System.ComponentModel.Composition (>= 7.0)
      System.ComponentModel.Composition.Registration (>= 7.0)
      System.Configuration.ConfigurationManager (>= 7.0)
      System.Data.Odbc (>= 7.0)
      System.Data.OleDb (>= 7.0)
      System.Data.SqlClient (>= 4.8.5)
      System.Diagnostics.EventLog (>= 7.0)
      System.Diagnostics.PerformanceCounter (>= 7.0)
      System.DirectoryServices (>= 7.0.1)
      System.DirectoryServices.AccountManagement (>= 7.0)
      System.DirectoryServices.Protocols (>= 7.0.1)
      System.Drawing.Common (>= 7.0)
      System.IO.Packaging (>= 7.0)
      System.IO.Ports (>= 7.0)
      System.Management (>= 7.0.2)
      System.Reflection.Context (>= 7.0)
      System.Runtime.Caching (>= 7.0)
      System.Security.Cryptography.Pkcs (>= 7.0.3)
      System.Security.Cryptography.ProtectedData (>= 7.0.1)
      System.Security.Cryptography.Xml (>= 7.0.1)
      System.Security.Permissions (>= 7.0)
      System.ServiceModel.Duplex (>= 4.9)
      System.ServiceModel.Http (>= 4.9)
      System.ServiceModel.NetTcp (>= 4.9)
      System.ServiceModel.Primitives (>= 4.9)
      System.ServiceModel.Security (>= 4.9)
      System.ServiceModel.Syndication (>= 7.0)
      System.ServiceProcess.ServiceController (>= 7.0.1)
      System.Speech (>= 7.0)
      System.Text.Encoding.CodePages (>= 7.0)
      System.Threading.AccessControl (>= 7.0.1)
      System.Web.Services.Description (>= 4.9)
    murmurhash (1.0.2)
    NDesk.Options (0.2.1)
    NDesk.Options.Core (1.2.5)
    NeoLua (1.3.13)
      Microsoft.CSharp (>= 4.5)
    NETStandard.Library (2.0.3)
      Microsoft.NETCore.Platforms (>= 1.1)
    NewRelic.Agent.Api (8.41.1)
    Newtonsoft.Json (13.0.3)
    Newtonsoft.Json.Bson (1.0.2)
      Newtonsoft.Json (>= 12.0.1)
    Okta.Sdk (6.0.11)
      JsonSubTypes (>= 1.8)
      Microsoft.Extensions.Configuration (>= 6.0.1)
      Microsoft.IdentityModel.Tokens (>= 6.22)
      Newtonsoft.Json (>= 13.0.1)
      Okta.Sdk.Abstractions (>= 4.0.4)
      Polly (>= 7.2.3)
      RestSharp (>= 106.13)
      System.IdentityModel.Tokens.Jwt (>= 6.22)
    Okta.Sdk.Abstractions (4.0.6)
      Microsoft.Extensions.Configuration.Binder (>= 6.0)
      Microsoft.Extensions.Configuration.EnvironmentVariables (>= 6.0.1)
      Microsoft.Extensions.Configuration.FileExtensions (>= 6.0)
      Microsoft.Extensions.Configuration.Json (>= 6.0)
      Microsoft.Extensions.Logging (>= 5.0)
      Newtonsoft.Json (>= 13.0.1)
      System.Interactive.Async (>= 5.0)
      System.ValueTuple (>= 4.5)
      YamlDotNet (>= 11.2.1)
    OpenTelemetry (1.3.2)
      Microsoft.Extensions.Logging (>= 3.1)
      Microsoft.Extensions.Logging.Configuration (>= 3.1)
      OpenTelemetry.Api (>= 1.3.2)
      System.Collections.Immutable (>= 1.4)
      System.Reflection.Emit.Lightweight (>= 4.7)
    OpenTelemetry.Api (1.3.2)
      System.Diagnostics.DiagnosticSource (>= 6.0 < 8.0)
      System.Reflection.Emit.Lightweight (>= 4.7)
    OpenTelemetry.Api.ProviderBuilderExtensions (1.5.1)
      Microsoft.Extensions.DependencyInjection.Abstractions (>= 3.1)
      OpenTelemetry.Api (>= 1.5.1)
    OpenTelemetry.Exporter.Console (1.5.1)
      OpenTelemetry (>= 1.5.1)
      System.Text.Encodings.Web (>= 4.7.2)
      System.Text.Json (>= 4.7.2)
    OpenTelemetry.Exporter.InMemory (1.5.1)
      OpenTelemetry (>= 1.5.1)
    OpenTelemetry.Exporter.OpenTelemetryProtocol (1.5.1)
      Google.Protobuf (>= 3.19.4 < 4.0)
      Grpc.Net.Client (>= 2.43 < 3.0)
      OpenTelemetry (>= 1.5.1)
    OpenTelemetry.Exporter.Zipkin (1.5.1)
      OpenTelemetry (>= 1.5.1)
      System.Text.Encodings.Web (>= 4.7.2)
      System.Text.Json (>= 4.7.2)
    OpenTelemetry.Instrumentation.AspNetCore (1.0.0-rc9.14)
      OpenTelemetry (>= 1.4)
    OpenTelemetry.Instrumentation.EntityFrameworkCore (1.0.0-beta.7)
      Microsoft.Extensions.Options (>= 3.1)
      OpenTelemetry.Api.ProviderBuilderExtensions (>= 1.5 < 2.0)
    OpenTelemetry.Instrumentation.GrpcNetClient (1.0.0-rc9.14)
      OpenTelemetry (>= 1.4)
    OpenTelemetry.Instrumentation.Http (1.0.0-rc9.14)
      OpenTelemetry (>= 1.4)
    OpenTelemetry.Instrumentation.SqlClient (1.0.0-rc9.14)
      Microsoft.Extensions.Options (>= 3.1)
      OpenTelemetry.Api.ProviderBuilderExtensions (>= 1.4)
    Polly (7.2.4)
    prometheus-net (7.0.0)
      Microsoft.Extensions.Http (>= 6.0)
    prometheus-net.AspNetCore (3.2.1)
      Microsoft.AspNetCore (>= 2.1.7)
      prometheus-net (>= 3.2.1)
    protobuf-net (3.2.26)
      protobuf-net.Core (>= 3.2.26)
    protobuf-net.Core (3.2.26)
      System.Collections.Immutable (>= 7.0)
    protobuf-net.Grpc (1.1.1)
      Grpc.Core.Api (>= 2.51)
      protobuf-net (>= 2.4.8)
    protobuf-net.Grpc.AspNetCore (1.1.1)
      Grpc.AspNetCore.Server (>= 2.51)
      protobuf-net.Grpc (>= 1.1.1)
    RabbitMQ.Client (4.1.3)
      System.Collections.Concurrent (>= 4.0.12)
      System.Console (>= 4.0)
      System.Diagnostics.Debug (>= 4.0.11)
      System.IO (>= 4.1)
      System.Linq (>= 4.1)
      System.Net.NameResolution (>= 4.0)
      System.Net.Security (>= 4.0)
      System.Net.Sockets (>= 4.1)
      System.Reflection.Extensions (>= 4.0.1)
      System.Reflection.TypeExtensions (>= 4.1)
      System.Runtime.Extensions (>= 4.1)
      System.Text.RegularExpressions (>= 4.1)
      System.Threading (>= 4.0.11)
      System.Threading.Thread (>= 4.0)
      System.Threading.Timer (>= 4.0.1)
    RestSharp (109.0.1)
    runtime.debian.8-x64.runtime.native.System.Security.Cryptography.OpenSsl (4.3.3)
    runtime.debian.9-x64.runtime.native.System.Security.Cryptography.OpenSsl (4.3.3)
    runtime.fedora.23-x64.runtime.native.System.Security.Cryptography.OpenSsl (4.3.3)
    runtime.fedora.24-x64.runtime.native.System.Security.Cryptography.OpenSsl (4.3.3)
    runtime.fedora.27-x64.runtime.native.System.Security.Cryptography.OpenSsl (4.3.3)
    runtime.fedora.28-x64.runtime.native.System.Security.Cryptography.OpenSsl (4.3.3)
    runtime.linux-arm.runtime.native.System.IO.Ports (7.0.0)
    runtime.linux-arm64.runtime.native.System.IO.Ports (7.0.0)
    runtime.linux-x64.runtime.native.System.IO.Ports (7.0.0)
    runtime.native.System (4.3.1)
      Microsoft.NETCore.Platforms (>= 1.1.1)
      Microsoft.NETCore.Targets (>= 1.1.3)
    runtime.native.System.Data.SqlClient.sni (4.7.0)
      runtime.win-arm64.runtime.native.System.Data.SqlClient.sni (>= 4.4)
      runtime.win-x64.runtime.native.System.Data.SqlClient.sni (>= 4.4)
      runtime.win-x86.runtime.native.System.Data.SqlClient.sni (>= 4.4)
    runtime.native.System.IO.Compression (4.3.2)
      Microsoft.NETCore.Platforms (>= 1.1.1)
      Microsoft.NETCore.Targets (>= 1.1.3)
    runtime.native.System.IO.Ports (7.0.0)
      runtime.linux-arm.runtime.native.System.IO.Ports (>= 7.0)
      runtime.linux-arm64.runtime.native.System.IO.Ports (>= 7.0)
      runtime.linux-x64.runtime.native.System.IO.Ports (>= 7.0)
      runtime.osx-arm64.runtime.native.System.IO.Ports (>= 7.0)
      runtime.osx-x64.runtime.native.System.IO.Ports (>= 7.0)
    runtime.native.System.Net.Http (4.3.1)
      Microsoft.NETCore.Platforms (>= 1.1.1)
      Microsoft.NETCore.Targets (>= 1.1.3)
    runtime.native.System.Net.Security (4.3.1)
      Microsoft.NETCore.Platforms (>= 1.1.1)
      Microsoft.NETCore.Targets (>= 1.1.3)
    runtime.native.System.Security.Cryptography.Apple (4.3.1)
      runtime.osx.10.10-x64.runtime.native.System.Security.Cryptography.Apple (>= 4.3.1)
    runtime.native.System.Security.Cryptography.OpenSsl (4.3.3)
      runtime.debian.8-x64.runtime.native.System.Security.Cryptography.OpenSsl (>= 4.3.3)
      runtime.debian.9-x64.runtime.native.System.Security.Cryptography.OpenSsl (>= 4.3.3)
      runtime.fedora.23-x64.runtime.native.System.Security.Cryptography.OpenSsl (>= 4.3.3)
      runtime.fedora.24-x64.runtime.native.System.Security.Cryptography.OpenSsl (>= 4.3.3)
      runtime.fedora.27-x64.runtime.native.System.Security.Cryptography.OpenSsl (>= 4.3.3)
      runtime.fedora.28-x64.runtime.native.System.Security.Cryptography.OpenSsl (>= 4.3.3)
      runtime.opensuse.13.2-x64.runtime.native.System.Security.Cryptography.OpenSsl (>= 4.3.3)
      runtime.opensuse.42.1-x64.runtime.native.System.Security.Cryptography.OpenSsl (>= 4.3.3)
      runtime.opensuse.42.3-x64.runtime.native.System.Security.Cryptography.OpenSsl (>= 4.3.3)
      runtime.osx.10.10-x64.runtime.native.System.Security.Cryptography.OpenSsl (>= 4.3.3)
      runtime.rhel.7-x64.runtime.native.System.Security.Cryptography.OpenSsl (>= 4.3.3)
      runtime.ubuntu.14.04-x64.runtime.native.System.Security.Cryptography.OpenSsl (>= 4.3.3)
      runtime.ubuntu.16.04-x64.runtime.native.System.Security.Cryptography.OpenSsl (>= 4.3.3)
      runtime.ubuntu.16.10-x64.runtime.native.System.Security.Cryptography.OpenSsl (>= 4.3.3)
      runtime.ubuntu.18.04-x64.runtime.native.System.Security.Cryptography.OpenSsl (>= 4.3.3)
    runtime.opensuse.13.2-x64.runtime.native.System.Security.Cryptography.OpenSsl (4.3.3)
    runtime.opensuse.42.1-x64.runtime.native.System.Security.Cryptography.OpenSsl (4.3.3)
    runtime.opensuse.42.3-x64.runtime.native.System.Security.Cryptography.OpenSsl (4.3.3)
    runtime.osx-arm64.runtime.native.System.IO.Ports (7.0.0)
    runtime.osx-x64.runtime.native.System.IO.Ports (7.0.0)
    runtime.osx.10.10-x64.runtime.native.System.Security.Cryptography.Apple (4.3.1)
    runtime.osx.10.10-x64.runtime.native.System.Security.Cryptography.OpenSsl (4.3.3)
    runtime.rhel.7-x64.runtime.native.System.Security.Cryptography.OpenSsl (4.3.3)
    runtime.ubuntu.14.04-x64.runtime.native.System.Security.Cryptography.OpenSsl (4.3.3)
    runtime.ubuntu.16.04-x64.runtime.native.System.Security.Cryptography.OpenSsl (4.3.3)
    runtime.ubuntu.16.10-x64.runtime.native.System.Security.Cryptography.OpenSsl (4.3.3)
    runtime.ubuntu.18.04-x64.runtime.native.System.Security.Cryptography.OpenSsl (4.3.3)
    runtime.win-arm64.runtime.native.System.Data.SqlClient.sni (4.4.0)
    runtime.win-x64.runtime.native.System.Data.SqlClient.sni (4.4.0)
    runtime.win-x86.runtime.native.System.Data.SqlClient.sni (4.4.0)
    S2Geometry (1.0.3)
      NETStandard.Library (>= 1.6)
    Semver (2.3.0)
    Serilog (2.12.0)
    Serilog.Enrichers.Environment (2.2.0)
      Serilog (>= 2.3)
    Serilog.Enrichers.Thread (3.1.0)
      Serilog (>= 2.3)
    Serilog.Formatting.Compact (1.1.0)
      Serilog (>= 2.8)
    Serilog.Formatting.Elasticsearch (9.0.3)
      Serilog (>= 2.12)
    Serilog.Settings.Configuration (3.4.0)
      Microsoft.Extensions.Configuration.Binder (>= 2.0)
      Microsoft.Extensions.DependencyModel (>= 3.0)
      Serilog (>= 2.10)
    Serilog.Sinks.Async (1.5.0)
      Serilog (>= 2.9)
    Serilog.Sinks.Console (4.1.0)
      Serilog (>= 2.10)
    Serilog.Sinks.Elasticsearch (9.0.3)
      Elasticsearch.Net (>= 7.17.5)
      Serilog (>= 2.12)
      Serilog.Formatting.Compact (>= 1.1)
      Serilog.Formatting.Elasticsearch (>= 9.0.3)
      Serilog.Sinks.File (>= 5.0)
      Serilog.Sinks.PeriodicBatching (>= 3.1)
      System.Diagnostics.DiagnosticSource (>= 6.0)
    Serilog.Sinks.File (5.0.0)
      Serilog (>= 2.10)
    Serilog.Sinks.PeriodicBatching (3.1.0)
      Serilog (>= 2.0)
    ServiceStack (6.9.0)
      ServiceStack.Client (>= 6.9)
      ServiceStack.Common (>= 6.9)
      ServiceStack.Interfaces (>= 6.9)
      ServiceStack.Text (>= 6.9)
    ServiceStack.Client (6.9.0)
      Microsoft.Extensions.Http (>= 6.0)
      ServiceStack.Interfaces (>= 6.9)
      ServiceStack.Text (>= 6.9)
    ServiceStack.Common (6.9.0)
      ServiceStack.Interfaces (>= 6.9)
      ServiceStack.Text (>= 6.9)
      System.Memory (>= 4.5.5)
    ServiceStack.Common.Core (6.9.0)
      ServiceStack.Interfaces.Core (>= 6.9)
      ServiceStack.Text.Core (>= 6.9)
      System.Memory (>= 4.5.5)
    ServiceStack.Extensions (6.9.0)
      Grpc.AspNetCore.Server (>= 2.53)
      Grpc.Core.Api (>= 2.53)
      Microsoft.AspNetCore.Authentication.JwtBearer (>= 6.0.13)
      Microsoft.IdentityModel.Tokens (>= 6.25.1)
      protobuf-net (>= 3.2.26)
      protobuf-net.Grpc.AspNetCore (>= 1.1.1)
      ServiceStack (>= 6.9)
      ServiceStack.Client (>= 6.9)
      ServiceStack.Common (>= 6.9)
      ServiceStack.GrpcClient (>= 6.9)
      ServiceStack.Interfaces (>= 6.9)
      ServiceStack.Text (>= 6.9)
      System.IdentityModel.Tokens.Jwt (>= 6.25.1)
      System.Threading.Channels (>= 7.0)
    ServiceStack.GrpcClient (6.9.0)
      Grpc.Core (>= 2.46.6)
      Grpc.Net.Client (>= 2.53)
      protobuf-net (>= 3.2.26)
      protobuf-net.Grpc (>= 1.1.1)
      ServiceStack.Client (>= 6.9)
      ServiceStack.Interfaces (>= 6.9)
      ServiceStack.Text (>= 6.9)
    ServiceStack.Interfaces (6.9.0)
    ServiceStack.Interfaces.Core (6.9.0)
    ServiceStack.Text (6.9.0)
      Microsoft.CSharp (>= 4.7)
      System.Diagnostics.DiagnosticSource (>= 6.0)
      System.Memory (>= 4.5.5)
    ServiceStack.Text.Core (6.9.0)
      Microsoft.CSharp (>= 4.7)
      System.Diagnostics.DiagnosticSource (>= 6.0)
      System.Memory (>= 4.5.5)
    SharpZipLib (1.2.0)
    SSH.NET (2020.0.2)
      SshNet.Security.Cryptography (1.3)
    SshNet.Security.Cryptography (1.3.0)
    StackExchange.Redis.StrongName (1.2.6)
      NETStandard.Library (>= 1.6.1)
      System.Collections (>= 4.3)
      System.Collections.Concurrent (>= 4.3)
      System.Collections.NonGeneric (>= 4.3)
      System.Diagnostics.Tools (>= 4.3)
      System.IO.Compression (>= 4.3)
      System.IO.FileSystem (>= 4.3)
      System.Linq (>= 4.3)
      System.Net.NameResolution (>= 4.3)
      System.Net.Security (>= 4.3)
      System.Net.Sockets (>= 4.3)
      System.Reflection.Emit (>= 4.3)
      System.Reflection.Emit.Lightweight (>= 4.3)
      System.Reflection.TypeExtensions (>= 4.3)
      System.Runtime.Extensions (>= 4.3)
      System.Runtime.InteropServices.RuntimeInformation (>= 4.3)
      System.Security.Cryptography.Algorithms (>= 4.3)
      System.Security.Cryptography.X509Certificates (>= 4.3)
      System.Text.RegularExpressions (>= 4.3)
      System.Threading (>= 4.3)
      System.Threading.Thread (>= 4.3)
      System.Threading.ThreadPool (>= 4.3)
      System.Threading.Timer (>= 4.3)
    Standart.Hash.xxHash (3.1.0)
    StringExtensions (1.1.1)
      NETStandard.Library (>= 1.6.1)
    SumoLogic.Logging.Common (1.0.1.5)
    SumoLogic.Logging.Serilog (1.0.1.5)
      Serilog (>= 2.0 < 3.0)
      SumoLogic.Logging.Common (>= 1.0.1.5)
    System.AppContext (4.3.0)
      System.Runtime (>= 4.3)
    System.Buffers (4.5.1)
    System.CodeDom (7.0.0)
    System.Collections (4.3.0)
      Microsoft.NETCore.Platforms (>= 1.1)
      Microsoft.NETCore.Targets (>= 1.1)
      System.Runtime (>= 4.3)
    System.Collections.Concurrent (4.3.0)
      System.Collections (>= 4.3)
      System.Diagnostics.Debug (>= 4.3)
      System.Diagnostics.Tracing (>= 4.3)
      System.Globalization (>= 4.3)
      System.Reflection (>= 4.3)
      System.Resources.ResourceManager (>= 4.3)
      System.Runtime (>= 4.3)
      System.Runtime.Extensions (>= 4.3)
      System.Threading (>= 4.3)
      System.Threading.Tasks (>= 4.3)
    System.Collections.Immutable (7.0.0)
      System.Runtime.CompilerServices.Unsafe (>= 6.0)
    System.Collections.NonGeneric (4.3.0)
      System.Diagnostics.Debug (>= 4.3)
      System.Globalization (>= 4.3)
      System.Resources.ResourceManager (>= 4.3)
      System.Runtime (>= 4.3)
      System.Runtime.Extensions (>= 4.3)
      System.Threading (>= 4.3)
    System.ComponentModel.Annotations (4.7.0)
    System.ComponentModel.Composition (7.0.0)
    System.ComponentModel.Composition.Registration (7.0.0)
      System.ComponentModel.Composition (>= 7.0)
      System.Reflection.Context (>= 7.0)
    System.Configuration.ConfigurationManager (7.0.0)
      System.Security.Cryptography.ProtectedData (>= 7.0)
      System.Security.Permissions (>= 7.0)
    System.Console (4.3.1)
      Microsoft.NETCore.Platforms (>= 1.1)
      Microsoft.NETCore.Targets (>= 1.1.2)
      System.IO (>= 4.3)
      System.Runtime (>= 4.3)
      System.Text.Encoding (>= 4.3)
    System.Data.DataSetExtensions (4.5.0)
    System.Data.Odbc (7.0.0)
      System.Text.Encoding.CodePages (>= 7.0)
    System.Data.OleDb (7.0.0)
      System.Configuration.ConfigurationManager (>= 7.0)
      System.Diagnostics.PerformanceCounter (>= 7.0)
    System.Data.SqlClient (4.8.5)
      Microsoft.Win32.Registry (>= 4.7)
      runtime.native.System.Data.SqlClient.sni (>= 4.7)
      System.Security.Principal.Windows (>= 4.7)
    System.Diagnostics.Contracts (4.3.0)
      System.Runtime (>= 4.3)
    System.Diagnostics.Debug (4.3.0)
      Microsoft.NETCore.Platforms (>= 1.1)
      Microsoft.NETCore.Targets (>= 1.1)
      System.Runtime (>= 4.3)
    System.Diagnostics.DiagnosticSource (6.0.0)
      System.Runtime.CompilerServices.Unsafe (>= 6.0)
    System.Diagnostics.EventLog (7.0.0)
    System.Diagnostics.PerformanceCounter (7.0.0)
      System.Configuration.ConfigurationManager (>= 7.0)
    System.Diagnostics.Tools (4.3.0)
      Microsoft.NETCore.Platforms (>= 1.1)
      Microsoft.NETCore.Targets (>= 1.1)
      System.Runtime (>= 4.3)
    System.Diagnostics.Tracing (4.3.0)
      Microsoft.NETCore.Platforms (>= 1.1)
      Microsoft.NETCore.Targets (>= 1.1)
      System.Runtime (>= 4.3)
    System.DirectoryServices (7.0.1)
      System.Security.Permissions (>= 7.0)
    System.DirectoryServices.AccountManagement (7.0.0)
      System.Configuration.ConfigurationManager (>= 7.0)
      System.DirectoryServices (>= 7.0)
      System.DirectoryServices.Protocols (>= 7.0)
    System.DirectoryServices.Protocols (7.0.1)
    System.Drawing.Common (7.0.0)
      Microsoft.Win32.SystemEvents (>= 7.0)
    System.Dynamic.Runtime (4.3.0)
      System.Collections (>= 4.3)
      System.Diagnostics.Debug (>= 4.3)
      System.Linq (>= 4.3)
      System.Linq.Expressions (>= 4.3)
      System.ObjectModel (>= 4.3)
      System.Reflection (>= 4.3)
      System.Reflection.Emit (>= 4.3)
      System.Reflection.Emit.ILGeneration (>= 4.3)
      System.Reflection.Primitives (>= 4.3)
      System.Reflection.TypeExtensions (>= 4.3)
      System.Resources.ResourceManager (>= 4.3)
      System.Runtime (>= 4.3)
      System.Runtime.Extensions (>= 4.3)
      System.Threading (>= 4.3)
    System.Formats.Asn1 (7.0.0)
    System.Globalization (4.3.0)
      Microsoft.NETCore.Platforms (>= 1.1)
      Microsoft.NETCore.Targets (>= 1.1)
      System.Runtime (>= 4.3)
    System.Globalization.Calendars (4.3.0)
      Microsoft.NETCore.Platforms (>= 1.1)
      Microsoft.NETCore.Targets (>= 1.1)
      System.Globalization (>= 4.3)
      System.Runtime (>= 4.3)
    System.Globalization.Extensions (4.3.0)
      Microsoft.NETCore.Platforms (>= 1.1)
      System.Globalization (>= 4.3)
      System.Resources.ResourceManager (>= 4.3)
      System.Runtime (>= 4.3)
      System.Runtime.Extensions (>= 4.3)
      System.Runtime.InteropServices (>= 4.3)
    System.IdentityModel.Tokens.Jwt (6.32.1)
      Microsoft.IdentityModel.JsonWebTokens (>= 6.32.1)
      Microsoft.IdentityModel.Tokens (>= 6.32.1)
    System.Interactive.Async (6.0.1)
      System.Linq.Async (>= 6.0.1)
    System.IO (4.3.0)
      Microsoft.NETCore.Platforms (>= 1.1)
      Microsoft.NETCore.Targets (>= 1.1)
      System.Runtime (>= 4.3)
      System.Text.Encoding (>= 4.3)
      System.Threading.Tasks (>= 4.3)
    System.IO.Compression (4.3.0)
      Microsoft.NETCore.Platforms (>= 1.1)
      runtime.native.System (>= 4.3)
      runtime.native.System.IO.Compression (>= 4.3)
      System.Buffers (>= 4.3)
      System.Collections (>= 4.3)
      System.Diagnostics.Debug (>= 4.3)
      System.IO (>= 4.3)
      System.Resources.ResourceManager (>= 4.3)
      System.Runtime (>= 4.3)
      System.Runtime.Extensions (>= 4.3)
      System.Runtime.Handles (>= 4.3)
      System.Runtime.InteropServices (>= 4.3)
      System.Text.Encoding (>= 4.3)
      System.Threading (>= 4.3)
      System.Threading.Tasks (>= 4.3)
    System.IO.Compression.ZipFile (4.3.0)
      System.Buffers (>= 4.3)
      System.IO (>= 4.3)
      System.IO.Compression (>= 4.3)
      System.IO.FileSystem (>= 4.3)
      System.IO.FileSystem.Primitives (>= 4.3)
      System.Resources.ResourceManager (>= 4.3)
      System.Runtime (>= 4.3)
      System.Runtime.Extensions (>= 4.3)
      System.Text.Encoding (>= 4.3)
    System.IO.FileSystem (4.3.0)
      Microsoft.NETCore.Platforms (>= 1.1)
      Microsoft.NETCore.Targets (>= 1.1)
      System.IO (>= 4.3)
      System.IO.FileSystem.Primitives (>= 4.3)
      System.Runtime (>= 4.3)
      System.Runtime.Handles (>= 4.3)
      System.Text.Encoding (>= 4.3)
      System.Threading.Tasks (>= 4.3)
    System.IO.FileSystem.AccessControl (5.0.0)
      System.Security.AccessControl (>= 5.0)
      System.Security.Principal.Windows (>= 5.0)
    System.IO.FileSystem.Primitives (4.3.0)
      System.Runtime (>= 4.3)
    System.IO.Hashing (7.0.0)
    System.IO.Packaging (7.0.0)
    System.IO.Pipelines (7.0.0)
    System.IO.Ports (7.0.0)
      runtime.native.System.IO.Ports (>= 7.0)
    System.Linq (4.3.0)
      System.Collections (>= 4.3)
      System.Diagnostics.Debug (>= 4.3)
      System.Resources.ResourceManager (>= 4.3)
      System.Runtime (>= 4.3)
      System.Runtime.Extensions (>= 4.3)
    System.Linq.Async (6.0.1)
      Microsoft.Bcl.AsyncInterfaces (>= 6.0)
    System.Linq.Dynamic.Core (1.3.3)
    System.Linq.Expressions (4.3.0)
      System.Collections (>= 4.3)
      System.Diagnostics.Debug (>= 4.3)
      System.Globalization (>= 4.3)
      System.IO (>= 4.3)
      System.Linq (>= 4.3)
      System.ObjectModel (>= 4.3)
      System.Reflection (>= 4.3)
      System.Reflection.Emit (>= 4.3)
      System.Reflection.Emit.ILGeneration (>= 4.3)
      System.Reflection.Emit.Lightweight (>= 4.3)
      System.Reflection.Extensions (>= 4.3)
      System.Reflection.Primitives (>= 4.3)
      System.Reflection.TypeExtensions (>= 4.3)
      System.Resources.ResourceManager (>= 4.3)
      System.Runtime (>= 4.3)
      System.Runtime.Extensions (>= 4.3)
      System.Threading (>= 4.3)
    System.Management (7.0.2)
      System.CodeDom (>= 7.0)
    System.Memory (4.5.5)
    System.Memory.Data (6.0.0)
      System.Text.Json (>= 6.0)
    System.Net.Http (4.3.3)
      Microsoft.NETCore.Platforms (>= 1.1)
      runtime.native.System (>= 4.3)
      runtime.native.System.Net.Http (>= 4.3)
      runtime.native.System.Security.Cryptography.OpenSsl (>= 4.3.2)
      System.Collections (>= 4.3)
      System.Diagnostics.Debug (>= 4.3)
      System.Diagnostics.DiagnosticSource (>= 4.3)
      System.Diagnostics.Tracing (>= 4.3)
      System.Globalization (>= 4.3)
      System.Globalization.Extensions (>= 4.3)
      System.IO (>= 4.3)
      System.IO.FileSystem (>= 4.3)
      System.Net.Primitives (>= 4.3)
      System.Resources.ResourceManager (>= 4.3)
      System.Runtime (>= 4.3)
      System.Runtime.Extensions (>= 4.3)
      System.Runtime.Handles (>= 4.3)
      System.Runtime.InteropServices (>= 4.3)
      System.Security.Cryptography.Algorithms (>= 4.3)
      System.Security.Cryptography.Encoding (>= 4.3)
      System.Security.Cryptography.OpenSsl (>= 4.3)
      System.Security.Cryptography.Primitives (>= 4.3)
      System.Security.Cryptography.X509Certificates (>= 4.3)
      System.Text.Encoding (>= 4.3)
      System.Threading (>= 4.3)
      System.Threading.Tasks (>= 4.3)
    System.Net.NameResolution (4.3.0)
      Microsoft.NETCore.Platforms (>= 1.1)
      runtime.native.System (>= 4.3)
      System.Collections (>= 4.3)
      System.Diagnostics.Tracing (>= 4.3)
      System.Globalization (>= 4.3)
      System.Net.Primitives (>= 4.3)
      System.Resources.ResourceManager (>= 4.3)
      System.Runtime (>= 4.3)
      System.Runtime.Extensions (>= 4.3)
      System.Runtime.Handles (>= 4.3)
      System.Runtime.InteropServices (>= 4.3)
      System.Security.Principal.Windows (>= 4.3)
      System.Threading (>= 4.3)
      System.Threading.Tasks (>= 4.3)
    System.Net.Primitives (4.3.1)
      Microsoft.NETCore.Platforms (>= 1.1.1)
      Microsoft.NETCore.Targets (>= 1.1.3)
      System.Runtime (>= 4.3.1)
      System.Runtime.Handles (>= 4.3)
    System.Net.Requests (4.3.0)
      Microsoft.NETCore.Platforms (>= 1.1)
      System.Collections (>= 4.3)
      System.Diagnostics.Debug (>= 4.3)
      System.Diagnostics.Tracing (>= 4.3)
      System.Globalization (>= 4.3)
      System.IO (>= 4.3)
      System.Net.Http (>= 4.3)
      System.Net.Primitives (>= 4.3)
      System.Net.WebHeaderCollection (>= 4.3)
      System.Resources.ResourceManager (>= 4.3)
      System.Runtime (>= 4.3)
      System.Threading (>= 4.3)
      System.Threading.Tasks (>= 4.3)
    System.Net.Security (4.3.2)
      Microsoft.NETCore.Platforms (>= 1.1)
      Microsoft.Win32.Primitives (>= 4.3)
      runtime.native.System (>= 4.3)
      runtime.native.System.Net.Security (>= 4.3)
      runtime.native.System.Security.Cryptography.OpenSsl (>= 4.3.2)
      System.Collections (>= 4.3)
      System.Collections.Concurrent (>= 4.3)
      System.Diagnostics.Tracing (>= 4.3)
      System.Globalization (>= 4.3)
      System.Globalization.Extensions (>= 4.3)
      System.IO (>= 4.3)
      System.Net.Primitives (>= 4.3)
      System.Resources.ResourceManager (>= 4.3)
      System.Runtime (>= 4.3)
      System.Runtime.Extensions (>= 4.3)
      System.Runtime.Handles (>= 4.3)
      System.Runtime.InteropServices (>= 4.3)
      System.Security.Claims (>= 4.3)
      System.Security.Cryptography.Algorithms (>= 4.3)
      System.Security.Cryptography.Encoding (>= 4.3)
      System.Security.Cryptography.OpenSsl (>= 4.3)
      System.Security.Cryptography.Primitives (>= 4.3)
      System.Security.Cryptography.X509Certificates (>= 4.3)
      System.Security.Principal (>= 4.3)
      System.Text.Encoding (>= 4.3)
      System.Threading (>= 4.3)
      System.Threading.Tasks (>= 4.3)
      System.Threading.ThreadPool (>= 4.3)
    System.Net.Sockets (4.3.0)
      Microsoft.NETCore.Platforms (>= 1.1)
      Microsoft.NETCore.Targets (>= 1.1)
      System.IO (>= 4.3)
      System.Net.Primitives (>= 4.3)
      System.Runtime (>= 4.3)
      System.Threading.Tasks (>= 4.3)
    System.Net.WebHeaderCollection (4.3.0)
      System.Collections (>= 4.3)
      System.Resources.ResourceManager (>= 4.3)
      System.Runtime (>= 4.3)
      System.Runtime.Extensions (>= 4.3)
    System.Numerics.Vectors (4.5.0)
    System.ObjectModel (4.3.0)
      System.Collections (>= 4.3)
      System.Diagnostics.Debug (>= 4.3)
      System.Resources.ResourceManager (>= 4.3)
      System.Runtime (>= 4.3)
      System.Threading (>= 4.3)
    System.Reactive (6.0.0)
    System.Reflection (4.3.0)
      Microsoft.NETCore.Platforms (>= 1.1)
      Microsoft.NETCore.Targets (>= 1.1)
      System.IO (>= 4.3)
      System.Reflection.Primitives (>= 4.3)
      System.Runtime (>= 4.3)
    System.Reflection.Context (7.0.0)
    System.Reflection.DispatchProxy (4.7.1)
    System.Reflection.Emit (4.7.0)
    System.Reflection.Emit.ILGeneration (4.7.0)
    System.Reflection.Emit.Lightweight (4.7.0)
    System.Reflection.Extensions (4.3.0)
      Microsoft.NETCore.Platforms (>= 1.1)
      Microsoft.NETCore.Targets (>= 1.1)
      System.Reflection (>= 4.3)
      System.Runtime (>= 4.3)
    System.Reflection.Metadata (7.0.2)
      System.Collections.Immutable (>= 7.0)
    System.Reflection.Primitives (4.3.0)
      Microsoft.NETCore.Platforms (>= 1.1)
      Microsoft.NETCore.Targets (>= 1.1)
      System.Runtime (>= 4.3)
    System.Reflection.TypeExtensions (4.7.0)
    System.Resources.ResourceManager (4.3.0)
      Microsoft.NETCore.Platforms (>= 1.1)
      Microsoft.NETCore.Targets (>= 1.1)
      System.Globalization (>= 4.3)
      System.Reflection (>= 4.3)
      System.Runtime (>= 4.3)
    System.Runtime (4.3.1)
      Microsoft.NETCore.Platforms (>= 1.1.1)
      Microsoft.NETCore.Targets (>= 1.1.3)
    System.Runtime.Caching (7.0.0)
      System.Configuration.ConfigurationManager (>= 7.0)
    System.Runtime.CompilerServices.Unsafe (6.0.0)
    System.Runtime.Extensions (4.3.1)
      Microsoft.NETCore.Platforms (>= 1.1.1)
      Microsoft.NETCore.Targets (>= 1.1.3)
      System.Runtime (>= 4.3.1)
    System.Runtime.Handles (4.3.0)
      Microsoft.NETCore.Platforms (>= 1.1)
      Microsoft.NETCore.Targets (>= 1.1)
      System.Runtime (>= 4.3)
    System.Runtime.InteropServices (4.3.0)
      Microsoft.NETCore.Platforms (>= 1.1)
      Microsoft.NETCore.Targets (>= 1.1)
      System.Reflection (>= 4.3)
      System.Reflection.Primitives (>= 4.3)
      System.Runtime (>= 4.3)
      System.Runtime.Handles (>= 4.3)
    System.Runtime.InteropServices.RuntimeInformation (4.3.0)
      runtime.native.System (>= 4.3)
      System.Reflection (>= 4.3)
      System.Reflection.Extensions (>= 4.3)
      System.Resources.ResourceManager (>= 4.3)
      System.Runtime (>= 4.3)
      System.Runtime.InteropServices (>= 4.3)
      System.Threading (>= 4.3)
    System.Runtime.Numerics (4.3.0)
      System.Globalization (>= 4.3)
      System.Resources.ResourceManager (>= 4.3)
      System.Runtime (>= 4.3)
      System.Runtime.Extensions (>= 4.3)
    System.Security.AccessControl (6.0.0)
    System.Security.Claims (4.3.0)
      System.Collections (>= 4.3)
      System.Globalization (>= 4.3)
      System.IO (>= 4.3)
      System.Resources.ResourceManager (>= 4.3)
      System.Runtime (>= 4.3)
      System.Runtime.Extensions (>= 4.3)
      System.Security.Principal (>= 4.3)
    System.Security.Cryptography.Algorithms (4.3.1)
      Microsoft.NETCore.Platforms (>= 1.1)
      runtime.native.System.Security.Cryptography.Apple (>= 4.3.1)
      runtime.native.System.Security.Cryptography.OpenSsl (>= 4.3.2)
      System.Collections (>= 4.3)
      System.IO (>= 4.3)
      System.Resources.ResourceManager (>= 4.3)
      System.Runtime (>= 4.3)
      System.Runtime.Extensions (>= 4.3)
      System.Runtime.Handles (>= 4.3)
      System.Runtime.InteropServices (>= 4.3)
      System.Runtime.Numerics (>= 4.3)
      System.Security.Cryptography.Encoding (>= 4.3)
      System.Security.Cryptography.Primitives (>= 4.3)
      System.Text.Encoding (>= 4.3)
    System.Security.Cryptography.Cng (5.0.0)
      System.Formats.Asn1 (>= 5.0)
    System.Security.Cryptography.Csp (4.3.0)
      Microsoft.NETCore.Platforms (>= 1.1)
      System.IO (>= 4.3)
      System.Reflection (>= 4.3)
      System.Resources.ResourceManager (>= 4.3)
      System.Runtime (>= 4.3)
      System.Runtime.Extensions (>= 4.3)
      System.Runtime.Handles (>= 4.3)
      System.Runtime.InteropServices (>= 4.3)
      System.Security.Cryptography.Algorithms (>= 4.3)
      System.Security.Cryptography.Encoding (>= 4.3)
      System.Security.Cryptography.Primitives (>= 4.3)
      System.Text.Encoding (>= 4.3)
      System.Threading (>= 4.3)
    System.Security.Cryptography.Encoding (4.3.0)
      Microsoft.NETCore.Platforms (>= 1.1)
      runtime.native.System.Security.Cryptography.OpenSsl (>= 4.3)
      System.Collections (>= 4.3)
      System.Collections.Concurrent (>= 4.3)
      System.Linq (>= 4.3)
      System.Resources.ResourceManager (>= 4.3)
      System.Runtime (>= 4.3)
      System.Runtime.Extensions (>= 4.3)
      System.Runtime.Handles (>= 4.3)
      System.Runtime.InteropServices (>= 4.3)
      System.Security.Cryptography.Primitives (>= 4.3)
      System.Text.Encoding (>= 4.3)
    System.Security.Cryptography.OpenSsl (5.0.0)
      System.Formats.Asn1 (>= 5.0)
    System.Security.Cryptography.Pkcs (7.0.3)
      System.Formats.Asn1 (>= 7.0)
    System.Security.Cryptography.Primitives (4.3.0)
      System.Diagnostics.Debug (>= 4.3)
      System.Globalization (>= 4.3)
      System.IO (>= 4.3)
      System.Resources.ResourceManager (>= 4.3)
      System.Runtime (>= 4.3)
      System.Threading (>= 4.3)
      System.Threading.Tasks (>= 4.3)
    System.Security.Cryptography.ProtectedData (7.0.1)
    System.Security.Cryptography.X509Certificates (4.3.2)
      Microsoft.NETCore.Platforms (>= 1.1)
      runtime.native.System (>= 4.3)
      runtime.native.System.Net.Http (>= 4.3)
      runtime.native.System.Security.Cryptography.OpenSsl (>= 4.3.2)
      System.Collections (>= 4.3)
      System.Diagnostics.Debug (>= 4.3)
      System.Globalization (>= 4.3)
      System.Globalization.Calendars (>= 4.3)
      System.IO (>= 4.3)
      System.IO.FileSystem (>= 4.3)
      System.IO.FileSystem.Primitives (>= 4.3)
      System.Resources.ResourceManager (>= 4.3)
      System.Runtime (>= 4.3)
      System.Runtime.Extensions (>= 4.3)
      System.Runtime.Handles (>= 4.3)
      System.Runtime.InteropServices (>= 4.3)
      System.Runtime.Numerics (>= 4.3)
      System.Security.Cryptography.Algorithms (>= 4.3)
      System.Security.Cryptography.Cng (>= 4.3)
      System.Security.Cryptography.Csp (>= 4.3)
      System.Security.Cryptography.Encoding (>= 4.3)
      System.Security.Cryptography.OpenSsl (>= 4.3)
      System.Security.Cryptography.Primitives (>= 4.3)
      System.Text.Encoding (>= 4.3)
      System.Threading (>= 4.3)
    System.Security.Cryptography.Xml (7.0.1)
      System.Security.Cryptography.Pkcs (>= 7.0)
    System.Security.Permissions (7.0.0)
      System.Windows.Extensions (>= 7.0)
    System.Security.Principal (4.3.0)
      System.Runtime (>= 4.3)
    System.Security.Principal.Windows (5.0.0)
    System.ServiceModel.Duplex (6.0.0)
      System.ServiceModel.Primitives (>= 6.0)
    System.ServiceModel.Http (6.0.0)
      System.ServiceModel.Primitives (>= 6.0)
    System.ServiceModel.NetFramingBase (6.0.0)
      System.Security.Principal.Windows (>= 5.0)
      System.ServiceModel.Primitives (>= 6.0)
    System.ServiceModel.NetTcp (6.0.0)
      System.ServiceModel.NetFramingBase (>= 6.0)
      System.ServiceModel.Primitives (>= 6.0)
    System.ServiceModel.Primitives (6.0.0)
      Microsoft.Extensions.ObjectPool (>= 6.0.16)
      System.Reflection.DispatchProxy (>= 4.7.1)
      System.Security.Cryptography.Xml (>= 6.0.1)
    System.ServiceModel.Security (6.0.0)
      System.ServiceModel.Primitives (>= 6.0)
    System.ServiceModel.Syndication (7.0.0)
    System.ServiceProcess.ServiceController (7.0.1)
      System.Diagnostics.EventLog (>= 7.0)
    System.Speech (7.0.0)
    System.Text.Encoding (4.3.0)
      Microsoft.NETCore.Platforms (>= 1.1)
      Microsoft.NETCore.Targets (>= 1.1)
      System.Runtime (>= 4.3)
    System.Text.Encoding.CodePages (7.0.0)
      System.Runtime.CompilerServices.Unsafe (>= 6.0)
    System.Text.Encoding.Extensions (4.3.0)
      Microsoft.NETCore.Platforms (>= 1.1)
      Microsoft.NETCore.Targets (>= 1.1)
      System.Runtime (>= 4.3)
      System.Text.Encoding (>= 4.3)
    System.Text.Encodings.Web (7.0.0)
      System.Runtime.CompilerServices.Unsafe (>= 6.0)
    System.Text.Json (6.0.0)
      System.Runtime.CompilerServices.Unsafe (>= 6.0)
      System.Text.Encodings.Web (>= 6.0)
    System.Text.RegularExpressions (4.3.1)
      System.Runtime (>= 4.3.1)
    System.Threading (4.3.0)
      System.Runtime (>= 4.3)
      System.Threading.Tasks (>= 4.3)
    System.Threading.AccessControl (7.0.1)
    System.Threading.Channels (7.0.0)
    System.Threading.Tasks (4.3.0)
      Microsoft.NETCore.Platforms (>= 1.1)
      Microsoft.NETCore.Targets (>= 1.1)
      System.Runtime (>= 4.3)
    System.Threading.Tasks.Extensions (4.5.4)
    System.Threading.Thread (4.3.0)
      System.Runtime (>= 4.3)
    System.Threading.ThreadPool (4.3.0)
      System.Runtime (>= 4.3)
      System.Runtime.Handles (>= 4.3)
    System.Threading.Timer (4.3.0)
      Microsoft.NETCore.Platforms (>= 1.1)
      Microsoft.NETCore.Targets (>= 1.1)
      System.Runtime (>= 4.3)
    System.ValueTuple (4.5.0)
    System.Web.Services.Description (6.0.0)
    System.Windows.Extensions (7.0.0)
      System.Drawing.Common (>= 7.0)
    System.Xml.ReaderWriter (4.3.1)
      System.Collections (>= 4.3)
      System.Diagnostics.Debug (>= 4.3)
      System.Globalization (>= 4.3)
      System.IO (>= 4.3)
      System.IO.FileSystem (>= 4.3)
      System.IO.FileSystem.Primitives (>= 4.3)
      System.Resources.ResourceManager (>= 4.3)
      System.Runtime (>= 4.3)
      System.Runtime.Extensions (>= 4.3)
      System.Runtime.InteropServices (>= 4.3)
      System.Text.Encoding (>= 4.3)
      System.Text.Encoding.Extensions (>= 4.3)
      System.Text.RegularExpressions (>= 4.3)
      System.Threading.Tasks (>= 4.3)
      System.Threading.Tasks.Extensions (>= 4.3)
    System.Xml.XDocument (4.3.0)
      System.Collections (>= 4.3)
      System.Diagnostics.Debug (>= 4.3)
      System.Diagnostics.Tools (>= 4.3)
      System.Globalization (>= 4.3)
      System.IO (>= 4.3)
      System.Reflection (>= 4.3)
      System.Resources.ResourceManager (>= 4.3)
      System.Runtime (>= 4.3)
      System.Runtime.Extensions (>= 4.3)
      System.Text.Encoding (>= 4.3)
      System.Threading (>= 4.3)
      System.Xml.ReaderWriter (>= 4.3)
    System.Xml.XmlDocument (4.3.0)
      System.Collections (>= 4.3)
      System.Diagnostics.Debug (>= 4.3)
      System.Globalization (>= 4.3)
      System.IO (>= 4.3)
      System.Resources.ResourceManager (>= 4.3)
      System.Runtime (>= 4.3)
      System.Runtime.Extensions (>= 4.3)
      System.Text.Encoding (>= 4.3)
      System.Threading (>= 4.3)
      System.Xml.ReaderWriter (>= 4.3)
    System.Xml.XPath (4.3.0)
      System.Collections (>= 4.3)
      System.Diagnostics.Debug (>= 4.3)
      System.Globalization (>= 4.3)
      System.IO (>= 4.3)
      System.Resources.ResourceManager (>= 4.3)
      System.Runtime (>= 4.3)
      System.Runtime.Extensions (>= 4.3)
      System.Threading (>= 4.3)
      System.Xml.ReaderWriter (>= 4.3)
    System.Xml.XPath.XmlDocument (4.3.0)
      System.Collections (>= 4.3)
      System.Globalization (>= 4.3)
      System.IO (>= 4.3)
      System.Resources.ResourceManager (>= 4.3)
      System.Runtime (>= 4.3)
      System.Runtime.Extensions (>= 4.3)
      System.Threading (>= 4.3)
      System.Xml.ReaderWriter (>= 4.3)
      System.Xml.XmlDocument (>= 4.3)
      System.Xml.XPath (>= 4.3)
    UID2.Client (5.1.2)
      NETStandard.Library (>= 2.0)
    YamlDotNet (13.1.1)
  remote: https://nexus.comp.org/repository/companything-nuget-prerelease/index.json
    Company.Common.Telemetry (5.6.2-mvk-asf-0001-change-openteleme.g32fedea3fc)
      Newtonsoft.Json (>= 12.0.3)
      System.Collections.Immutable (>= 5.0)
      System.Diagnostics.DiagnosticSource (>= 4.7.1)
      System.Linq.Dynamic.Core (>= 1.3.3)
      System.Reactive (>= 4.1.3)
      Company.Common.BCL (>= 2.2.2)
    Company.Common.Telemetry.AdHoc (5.6.2-mvk-asf-0001-change-openteleme.g32fedea3fc)
      FastExpressionCompiler (>= 2.0)
      Microsoft.CodeAnalysis.CSharp.Scripting (>= 4.2)
      Microsoft.CSharp (>= 4.7)
      System.Linq.Dynamic.Core (>= 1.3.3)
      Company.Common.Telemetry (>= 5.6.2-mvk-asf-0001-change-openteleme.g32fedea3fc)
      Company.Common.Telemetry.Serilog (>= 5.6.2-mvk-asf-0001-change-openteleme.g32fedea3fc)
      YamlDotNet (>= 8.1.2)
    Company.Common.Telemetry.AspNetCore (5.6.2-mvk-asf-0001-change-openteleme.g32fedea3fc)
      Company.Common.Telemetry (>= 5.6.2-mvk-asf-0001-change-openteleme.g32fedea3fc)
    Company.Common.Telemetry.RuntimeMetrics (5.6.2-mvk-asf-0001-change-openteleme.g32fedea3fc)
      System.Management (>= 4.6)
      Company.Common.Telemetry (>= 5.6.2-mvk-asf-0001-change-openteleme.g32fedea3fc)
    Company.Common.Telemetry.Tracing (5.6.2-mvk-asf-0001-change-openteleme.g32fedea3fc)
      OpenTelemetry.Exporter.Console (>= 1.3.2)
      OpenTelemetry.Exporter.InMemory (>= 1.3.2)
      OpenTelemetry.Exporter.OpenTelemetryProtocol (>= 1.3.2)
      OpenTelemetry.Exporter.Zipkin (>= 1.3.2)
      OpenTelemetry.Instrumentation.AspNetCore (>= 1.0.0-rc9.9)
      OpenTelemetry.Instrumentation.EntityFrameworkCore (>= 1.0.0-beta.3)
      OpenTelemetry.Instrumentation.GrpcNetClient (>= 1.0.0-rc9.9)
      OpenTelemetry.Instrumentation.Http (>= 1.0.0-rc9.9)
      OpenTelemetry.Instrumentation.SqlClient (>= 1.0.0-rc9.9)
      System.Reactive (>= 4.1.3)
      Company.Common.Telemetry (>= 5.6.2-mvk-asf-0001-change-openteleme.g32fedea3fc)
